
type = string-attribute
name = HISTORY_NOTE
count = 6723
'[nathalia@marfim: Sun Jun  7 12:11:58 2015] ===================================\n[nathalia@marfim: Sun Jun  7 12:11:58 2015] === History of inputs to 3dcalc ===\n[nathalia@marfim: Sun Jun  7 12:11:58 2015] === Input a:\n[nathalia@marfim: Sun Jun  7 12:11:58 2015] [nathalia@marfim: Sun Jun  7 12:11:52 2015] ===================================\n[nathalia@marfim: Sun Jun  7 12:11:52 2015] === History of inputs to 3dcalc ===\n[nathalia@marfim: Sun Jun  7 12:11:52 2015] === Input a:\n[nathalia@marfim: Sun Jun  7 12:11:52 2015] [nathalia@marfim: Sun Jun  7 11:39:05 2015] 3dDespike -NEW -nomask -prefix pb01.estudo1.r01.despike pb00.estudo1.r01.tcat+orig\n[nathalia@marfim: Sun Jun  7 11:39:06 2015] 3dTshift -tzero 0 -quintic -prefix pb02.estudo1.r01.tshift -tpattern alt+z pb01.estudo1.r01.despike+orig\n[nathalia@marfim: Sun Jun  7 12:11:45 2015] 3dAllineate -base estudo1.ANAT_ns+tlrc -input pb02.estudo1.r01.tshift+orig -1Dmatrix_apply mat.r01.warp.aff12.1D -mast_dxyz 3 -prefix rm.epi.nomask.r01\n[nathalia@marfim: Sun Jun  7 12:11:52 2015] === Input b:\n[nathalia@marfim: Sun Jun  7 12:11:52 2015] [nathalia@marfim: Sun Jun  7 11:39:05 2015] 3dDespike -NEW -nomask -prefix pb01.estudo1.r01.despike pb00.estudo1.r01.tcat+orig\n[nathalia@marfim: Sun Jun  7 11:39:06 2015] 3dTshift -tzero 0 -quintic -prefix pb02.estudo1.r01.tshift -tpattern alt+z pb01.estudo1.r01.despike+orig\n[nathalia@marfim: Sun Jun  7 12:11:43 2015] 3dcalc -a pb02.estudo1.r01.tshift+orig -expr 1 -prefix rm.epi.all1\n[nathalia@marfim: Sun Jun  7 12:11:49 2015] 3dAllineate -base estudo1.ANAT_ns+tlrc -input rm.epi.all1+orig -1Dmatrix_apply mat.r01.warp.aff12.1D -mast_dxyz 3 -final NN -quiet -prefix rm.epi.1.r01\n[nathalia@marfim: Sun Jun  7 12:11:52 2015] 3dTstat -min -prefix rm.epi.min.r01 rm.epi.1.r01+tlrc\n[nathalia@marfim: Sun Jun  7 12:11:52 2015] 3dcopy rm.epi.min.r01+tlrc mask_epi_extents\n[nathalia@marfim: Sun Jun  7 12:11:52 2015] ===================================\n[nathalia@marfim: Sun Jun  7 12:11:52 2015] 3dcalc -a rm.epi.nomask.r01+tlrc -b mask_epi_extents+tlrc -expr 'a*b' -prefix pb03.estudo1.r01.volreg\n[nathalia@marfim: Sun Jun  7 12:11:55 2015] 3dmerge -1blur_fwhm 6 -doall -prefix pb04.estudo1.r01.blur pb03.estudo1.r01.volreg+tlrc\n[nathalia@marfim: Sun Jun  7 12:11:58 2015] === Input b:\n[nathalia@marfim: Sun Jun  7 12:11:58 2015] [nathalia@marfim: Sun Jun  7 12:11:52 2015] ===================================\n[nathalia@marfim: Sun Jun  7 12:11:52 2015] === History of inputs to 3dcalc ===\n[nathalia@marfim: Sun Jun  7 12:11:52 2015] === Input a:\n[nathalia@marfim: Sun Jun  7 12:11:52 2015] [nathalia@marfim: Sun Jun  7 11:39:05 2015] 3dDespike -NEW -nomask -prefix pb01.estudo1.r01.despike pb00.estudo1.r01.tcat+orig\n[nathalia@marfim: Sun Jun  7 11:39:06 2015] 3dTshift -tzero 0 -quintic -prefix pb02.estudo1.r01.tshift -tpattern alt+z pb01.estudo1.r01.despike+orig\n[nathalia@marfim: Sun Jun  7 12:11:45 2015] 3dAllineate -base estudo1.ANAT_ns+tlrc -input pb02.estudo1.r01.tshift+orig -1Dmatrix_apply mat.r01.warp.aff12.1D -mast_dxyz 3 -prefix rm.epi.nomask.r01\n[nathalia@marfim: Sun Jun  7 12:11:52 2015] === Input b:\n[nathalia@marfim: Sun Jun  7 12:11:52 2015] [nathalia@marfim: Sun Jun  7 11:39:05 2015] 3dDespike -NEW -nomask -prefix pb01.estudo1.r01.despike pb00.estudo1.r01.tcat+orig\n[nathalia@marfim: Sun Jun  7 11:39:06 2015] 3dTshift -tzero 0 -quintic -prefix pb02.estudo1.r01.tshift -tpattern alt+z pb01.estudo1.r01.despike+orig\n[nathalia@marfim: Sun Jun  7 12:11:43 2015] 3dcalc -a pb02.estudo1.r01.tshift+orig -expr 1 -prefix rm.epi.all1\n[nathalia@marfim: Sun Jun  7 12:11:49 2015] 3dAllineate -base estudo1.ANAT_ns+tlrc -input rm.epi.all1+orig -1Dmatrix_apply mat.r01.warp.aff12.1D -mast_dxyz 3 -final NN -quiet -prefix rm.epi.1.r01\n[nathalia@marfim: Sun Jun  7 12:11:52 2015] 3dTstat -min -prefix rm.epi.min.r01 rm.epi.1.r01+tlrc\n[nathalia@marfim: Sun Jun  7 12:11:52 2015] 3dcopy rm.epi.min.r01+tlrc mask_epi_extents\n[nathalia@marfim: Sun Jun  7 12:11:52 2015] ===================================\n[nathalia@marfim: Sun Jun  7 12:11:52 2015] 3dcalc -a rm.epi.nomask.r01+tlrc -b mask_epi_extents+tlrc -expr 'a*b' -prefix pb03.estudo1.r01.volreg\n[nathalia@marfim: Sun Jun  7 12:11:55 2015] 3dmerge -1blur_fwhm 6 -doall -prefix pb04.estudo1.r01.blur pb03.estudo1.r01.volreg+tlrc\n[nathalia@marfim: Sun Jun  7 12:11:58 2015] 3dTstat -prefix rm.mean_r01 pb04.estudo1.r01.blur+tlrc\n[nathalia@marfim: Sun Jun  7 12:11:58 2015] === Input c:\n[nathalia@marfim: Sun Jun  7 12:11:58 2015] [nathalia@marfim: Sun Jun  7 11:39:05 2015] 3dDespike -NEW -nomask -prefix pb01.estudo1.r01.despike pb00.estudo1.r01.tcat+orig\n[nathalia@marfim: Sun Jun  7 11:39:06 2015] 3dTshift -tzero 0 -quintic -prefix pb02.estudo1.r01.tshift -tpattern alt+z pb01.estudo1.r01.despike+orig\n[nathalia@marfim: Sun Jun  7 12:11:43 2015] 3dcalc -a pb02.estudo1.r01.tshift+orig -expr 1 -prefix rm.epi.all1\n[nathalia@marfim: Sun Jun  7 12:11:49 2015] 3dAllineate -base estudo1.ANAT_ns+tlrc -input rm.epi.all1+orig -1Dmatrix_apply mat.r01.warp.aff12.1D -mast_dxyz 3 -final NN -quiet -prefix rm.epi.1.r01\n[nathalia@marfim: Sun Jun  7 12:11:52 2015] 3dTstat -min -prefix rm.epi.min.r01 rm.epi.1.r01+tlrc\n[nathalia@marfim: Sun Jun  7 12:11:52 2015] 3dcopy rm.epi.min.r01+tlrc mask_epi_extents\n[nathalia@marfim: Sun Jun  7 12:11:58 2015] ===================================\n[nathalia@marfim: Sun Jun  7 12:11:58 2015] 3dcalc -a pb04.estudo1.r01.blur+tlrc -b rm.mean_r01+tlrc -c mask_epi_extents+tlrc -expr 'c * min(200, a/b*100)*step(a)*step(b)' -prefix pb05.estudo1.r01.scale\n[nathalia@marfim: Sun Jun  7 12:12:07 2015] 3dDeconvolve -input pb05.estudo1.r01.scale+tlrc.HEAD -polort 2 -num_stimts 8 -stim_times 1 stimuli/stim_timing_MOT_L.txt 'BLOCK(20,1)' -stim_label 1 MOT_L -stim_times 2 stimuli/stim_timing_MOT_R.txt 'BLOCK(20,1)' -stim_label 2 MOT_R -stim_file 3 'motion_demean.1D[0]' -stim_base 3 -stim_label 3 roll -stim_file 4 'motion_demean.1D[1]' -stim_base 4 -stim_label 4 pitch -stim_file 5 'motion_demean.1D[2]' -stim_base 5 -stim_label 5 yaw -stim_file 6 'motion_demean.1D[3]' -stim_base 6 -stim_label 6 dS -stim_file 7 'motion_demean.1D[4]' -stim_base 7 -stim_label 7 dL -stim_file 8 'motion_demean.1D[5]' -stim_base 8 -stim_label 8 dP -jobs 6 -local_times -fout -tout -x1D X.xmat.1D -xjpeg X.jpg -fitts fitts.estudo1 -errts errts.estudo1 -bucket stats.estudo1 ; Output prefix: errts.estudo1\n[nathalia@marfim: Sun Jun  7 12:12:09 2015] 3dTnorm -norm2 -prefix rm.errts.unit errts.estudo1+tlrc\n[nathalia@marfim: Sun Jun  7 12:12:10 2015] 3dcalc -a rm.errts.unit+tlrc -b gmean.errts.unit.1D -expr 'a*b' -prefix rm.DP\n[nathalia@marfim: Sun Jun  7 12:12:12 2015] 3dTstat -sum -prefix corr_brain rm.DP+tlrc~

type = string-attribute
name = TYPESTRING
count = 15
'3DIM_HEAD_FUNC~

type = string-attribute
name = IDCODE_STRING
count = 27
'XYZ_QLMYtmVj1ZQldof27agT2g~

type = string-attribute
name = IDCODE_DATE
count = 25
'Sun Jun  7 12:12:12 2015~

type = integer-attribute
name = SCENE_DATA
count = 8
 2 11 1 -999 -999
 -999 -999 -999

type = string-attribute
name = LABEL_1
count = 5
'zyxt~

type = string-attribute
name = LABEL_2
count = 5
'zyxt~

type = string-attribute
name = DATASET_NAME
count = 5
'zyxt~

type = integer-attribute
name = ORIENT_SPECIFIC
count = 3
 1 2 4

type  = float-attribute
name  = ORIGIN
count = 3
             72          107.5            -65

type  = float-attribute
name  = DELTA
count = 3
             -3             -3              3

type  = float-attribute
name  = IJK_TO_DICOM
count = 12
             -3              0              0             72              0
             -3              0          107.5              0              0
              3            -65

type  = float-attribute
name  = IJK_TO_DICOM_REAL
count = 12
             -3              0              0             72              0
             -3              0          107.5              0              0
              3            -65

type  = float-attribute
name  = BRICK_STATS
count = 2
     -0.1724044      0.2707487

type = integer-attribute
name = DATASET_RANK
count = 8
 3 1 0 0 0
 0 0 0

type = integer-attribute
name = DATASET_DIMENSIONS
count = 5
 49 61 50 0 0

type = integer-attribute
name = BRICK_TYPES
count = 1
 3

type  = float-attribute
name  = BRICK_FLOAT_FACS
count = 1
              0

type = string-attribute
name = BRICK_LABS
count = 4
'Sum~

type = string-attribute
name = BRICK_KEYWORDS
count = 1
'~

type = string-attribute
name = TEMPLATE_SPACE
count = 4
'MNI~

type = integer-attribute
name = INT_CMAP
count = 1
 0

type = string-attribute
name = BYTEORDER_STRING
count = 10
'LSB_FIRST~
