
type = string-attribute
name = HISTORY_NOTE
count = 6411
'[nathalia@marfim: Sun Jun  7 12:11:58 2015] ===================================\n[nathalia@marfim: Sun Jun  7 12:11:58 2015] === History of inputs to 3dcalc ===\n[nathalia@marfim: Sun Jun  7 12:11:58 2015] === Input a:\n[nathalia@marfim: Sun Jun  7 12:11:58 2015] [nathalia@marfim: Sun Jun  7 12:11:52 2015] ===================================\n[nathalia@marfim: Sun Jun  7 12:11:52 2015] === History of inputs to 3dcalc ===\n[nathalia@marfim: Sun Jun  7 12:11:52 2015] === Input a:\n[nathalia@marfim: Sun Jun  7 12:11:52 2015] [nathalia@marfim: Sun Jun  7 11:39:05 2015] 3dDespike -NEW -nomask -prefix pb01.estudo1.r01.despike pb00.estudo1.r01.tcat+orig\n[nathalia@marfim: Sun Jun  7 11:39:06 2015] 3dTshift -tzero 0 -quintic -prefix pb02.estudo1.r01.tshift -tpattern alt+z pb01.estudo1.r01.despike+orig\n[nathalia@marfim: Sun Jun  7 12:11:45 2015] 3dAllineate -base estudo1.ANAT_ns+tlrc -input pb02.estudo1.r01.tshift+orig -1Dmatrix_apply mat.r01.warp.aff12.1D -mast_dxyz 3 -prefix rm.epi.nomask.r01\n[nathalia@marfim: Sun Jun  7 12:11:52 2015] === Input b:\n[nathalia@marfim: Sun Jun  7 12:11:52 2015] [nathalia@marfim: Sun Jun  7 11:39:05 2015] 3dDespike -NEW -nomask -prefix pb01.estudo1.r01.despike pb00.estudo1.r01.tcat+orig\n[nathalia@marfim: Sun Jun  7 11:39:06 2015] 3dTshift -tzero 0 -quintic -prefix pb02.estudo1.r01.tshift -tpattern alt+z pb01.estudo1.r01.despike+orig\n[nathalia@marfim: Sun Jun  7 12:11:43 2015] 3dcalc -a pb02.estudo1.r01.tshift+orig -expr 1 -prefix rm.epi.all1\n[nathalia@marfim: Sun Jun  7 12:11:49 2015] 3dAllineate -base estudo1.ANAT_ns+tlrc -input rm.epi.all1+orig -1Dmatrix_apply mat.r01.warp.aff12.1D -mast_dxyz 3 -final NN -quiet -prefix rm.epi.1.r01\n[nathalia@marfim: Sun Jun  7 12:11:52 2015] 3dTstat -min -prefix rm.epi.min.r01 rm.epi.1.r01+tlrc\n[nathalia@marfim: Sun Jun  7 12:11:52 2015] 3dcopy rm.epi.min.r01+tlrc mask_epi_extents\n[nathalia@marfim: Sun Jun  7 12:11:52 2015] ===================================\n[nathalia@marfim: Sun Jun  7 12:11:52 2015] 3dcalc -a rm.epi.nomask.r01+tlrc -b mask_epi_extents+tlrc -expr 'a*b' -prefix pb03.estudo1.r01.volreg\n[nathalia@marfim: Sun Jun  7 12:11:55 2015] 3dmerge -1blur_fwhm 6 -doall -prefix pb04.estudo1.r01.blur pb03.estudo1.r01.volreg+tlrc\n[nathalia@marfim: Sun Jun  7 12:11:58 2015] === Input b:\n[nathalia@marfim: Sun Jun  7 12:11:58 2015] [nathalia@marfim: Sun Jun  7 12:11:52 2015] ===================================\n[nathalia@marfim: Sun Jun  7 12:11:52 2015] === History of inputs to 3dcalc ===\n[nathalia@marfim: Sun Jun  7 12:11:52 2015] === Input a:\n[nathalia@marfim: Sun Jun  7 12:11:52 2015] [nathalia@marfim: Sun Jun  7 11:39:05 2015] 3dDespike -NEW -nomask -prefix pb01.estudo1.r01.despike pb00.estudo1.r01.tcat+orig\n[nathalia@marfim: Sun Jun  7 11:39:06 2015] 3dTshift -tzero 0 -quintic -prefix pb02.estudo1.r01.tshift -tpattern alt+z pb01.estudo1.r01.despike+orig\n[nathalia@marfim: Sun Jun  7 12:11:45 2015] 3dAllineate -base estudo1.ANAT_ns+tlrc -input pb02.estudo1.r01.tshift+orig -1Dmatrix_apply mat.r01.warp.aff12.1D -mast_dxyz 3 -prefix rm.epi.nomask.r01\n[nathalia@marfim: Sun Jun  7 12:11:52 2015] === Input b:\n[nathalia@marfim: Sun Jun  7 12:11:52 2015] [nathalia@marfim: Sun Jun  7 11:39:05 2015] 3dDespike -NEW -nomask -prefix pb01.estudo1.r01.despike pb00.estudo1.r01.tcat+orig\n[nathalia@marfim: Sun Jun  7 11:39:06 2015] 3dTshift -tzero 0 -quintic -prefix pb02.estudo1.r01.tshift -tpattern alt+z pb01.estudo1.r01.despike+orig\n[nathalia@marfim: Sun Jun  7 12:11:43 2015] 3dcalc -a pb02.estudo1.r01.tshift+orig -expr 1 -prefix rm.epi.all1\n[nathalia@marfim: Sun Jun  7 12:11:49 2015] 3dAllineate -base estudo1.ANAT_ns+tlrc -input rm.epi.all1+orig -1Dmatrix_apply mat.r01.warp.aff12.1D -mast_dxyz 3 -final NN -quiet -prefix rm.epi.1.r01\n[nathalia@marfim: Sun Jun  7 12:11:52 2015] 3dTstat -min -prefix rm.epi.min.r01 rm.epi.1.r01+tlrc\n[nathalia@marfim: Sun Jun  7 12:11:52 2015] 3dcopy rm.epi.min.r01+tlrc mask_epi_extents\n[nathalia@marfim: Sun Jun  7 12:11:52 2015] ===================================\n[nathalia@marfim: Sun Jun  7 12:11:52 2015] 3dcalc -a rm.epi.nomask.r01+tlrc -b mask_epi_extents+tlrc -expr 'a*b' -prefix pb03.estudo1.r01.volreg\n[nathalia@marfim: Sun Jun  7 12:11:55 2015] 3dmerge -1blur_fwhm 6 -doall -prefix pb04.estudo1.r01.blur pb03.estudo1.r01.volreg+tlrc\n[nathalia@marfim: Sun Jun  7 12:11:58 2015] 3dTstat -prefix rm.mean_r01 pb04.estudo1.r01.blur+tlrc\n[nathalia@marfim: Sun Jun  7 12:11:58 2015] === Input c:\n[nathalia@marfim: Sun Jun  7 12:11:58 2015] [nathalia@marfim: Sun Jun  7 11:39:05 2015] 3dDespike -NEW -nomask -prefix pb01.estudo1.r01.despike pb00.estudo1.r01.tcat+orig\n[nathalia@marfim: Sun Jun  7 11:39:06 2015] 3dTshift -tzero 0 -quintic -prefix pb02.estudo1.r01.tshift -tpattern alt+z pb01.estudo1.r01.despike+orig\n[nathalia@marfim: Sun Jun  7 12:11:43 2015] 3dcalc -a pb02.estudo1.r01.tshift+orig -expr 1 -prefix rm.epi.all1\n[nathalia@marfim: Sun Jun  7 12:11:49 2015] 3dAllineate -base estudo1.ANAT_ns+tlrc -input rm.epi.all1+orig -1Dmatrix_apply mat.r01.warp.aff12.1D -mast_dxyz 3 -final NN -quiet -prefix rm.epi.1.r01\n[nathalia@marfim: Sun Jun  7 12:11:52 2015] 3dTstat -min -prefix rm.epi.min.r01 rm.epi.1.r01+tlrc\n[nathalia@marfim: Sun Jun  7 12:11:52 2015] 3dcopy rm.epi.min.r01+tlrc mask_epi_extents\n[nathalia@marfim: Sun Jun  7 12:11:58 2015] ===================================\n[nathalia@marfim: Sun Jun  7 12:11:58 2015] 3dcalc -a pb04.estudo1.r01.blur+tlrc -b rm.mean_r01+tlrc -c mask_epi_extents+tlrc -expr 'c * min(200, a/b*100)*step(a)*step(b)' -prefix pb05.estudo1.r01.scale\n[nathalia@marfim: Sun Jun  7 12:12:07 2015] 3dDeconvolve -input pb05.estudo1.r01.scale+tlrc.HEAD -polort 2 -num_stimts 8 -stim_times 1 stimuli/stim_timing_MOT_L.txt 'BLOCK(20,1)' -stim_label 1 MOT_L -stim_times 2 stimuli/stim_timing_MOT_R.txt 'BLOCK(20,1)' -stim_label 2 MOT_R -stim_file 3 'motion_demean.1D[0]' -stim_base 3 -stim_label 3 roll -stim_file 4 'motion_demean.1D[1]' -stim_base 4 -stim_label 4 pitch -stim_file 5 'motion_demean.1D[2]' -stim_base 5 -stim_label 5 yaw -stim_file 6 'motion_demean.1D[3]' -stim_base 6 -stim_label 6 dS -stim_file 7 'motion_demean.1D[4]' -stim_base 7 -stim_label 7 dL -stim_file 8 'motion_demean.1D[5]' -stim_base 8 -stim_label 8 dP -jobs 6 -local_times -fout -tout -x1D X.xmat.1D -xjpeg X.jpg -fitts fitts.estudo1 -errts errts.estudo1 -bucket stats.estudo1 ; Output prefix: fitts.estudo1~

type = string-attribute
name = TYPESTRING
count = 15
'3DIM_HEAD_ANAT~

type = string-attribute
name = IDCODE_STRING
count = 27
'XYZ_WJU9vG-cEISI3GKlnZrsgQ~

type = string-attribute
name = IDCODE_DATE
count = 25
'Sun Jun  7 12:12:07 2015~

type = integer-attribute
name = SCENE_DATA
count = 8
 2 2 0 -999 -999
 -999 -999 -999

type = string-attribute
name = LABEL_1
count = 14
'fitts.estudo1~

type = string-attribute
name = LABEL_2
count = 5
'zyxt~

type = string-attribute
name = DATASET_NAME
count = 14
'fitts.estudo1~

type = integer-attribute
name = ORIENT_SPECIFIC
count = 3
 1 2 4

type  = float-attribute
name  = ORIGIN
count = 3
             72          107.5            -65

type  = float-attribute
name  = DELTA
count = 3
             -3             -3              3

type  = float-attribute
name  = IJK_TO_DICOM
count = 12
             -3              0              0             72              0
             -3              0          107.5              0              0
              3            -65

type  = float-attribute
name  = IJK_TO_DICOM_REAL
count = 12
             -3              0              0             72              0
             -3              0          107.5              0              0
              3            -65

type  = float-attribute
name  = BRICK_STATS
count = 256
              0       126.5783              0       125.2958              0
       125.5276              0       125.7026              0       125.9407
              0        125.341              0       126.1403              0
       127.8484              0       127.4543              0       127.5691
              0       127.9821              0       127.6793              0
       128.0998              0       128.3267              0       126.7524
              0       125.1783              0       125.8256              0
       123.7036              0       121.2693              0       121.2045
              0       120.5156              0       120.7101              0
       121.7675              0       120.6722              0       119.2464
              0       121.3373              0        119.616              0
       118.9497              0       117.4549              0       117.4579
              0       116.9846              0       115.4866              0
       113.9552              0       112.2401              0       111.6753
              0       112.3453              0       112.1812              0
       114.2593              0       117.6162              0       117.8944
              0        117.605              0       113.7811              0
       108.1998              0       106.1533              0       108.6292
              0       109.9498              0       110.4951              0
       108.9804              0       107.8193              0       108.6396
              0       108.3419              0       107.5404              0
       107.2134              0       108.0539              0       108.3218
              0       108.7731              0       110.6474              0
       110.1882              0       110.6113              0       109.9296
              0       110.6521              0       108.7864              0
       110.1892              0       112.1562              0       110.2415
              0       109.4559              0       109.3355              0
       108.5485              0       107.7155              0       110.9324
              0       111.2022              0       115.3797              0
       115.2178              0       120.1463              0       120.8686
              0       121.7054              0       126.9772              0
       122.0182              0       117.5965              0       112.5944
              0       112.9258              0       119.5344              0
       125.3876              0        125.455              0       127.0851
              0       128.7568              0       126.1951              0
       118.4006              0       116.4495              0       125.1578
              0       114.8641              0       116.0677              0
       116.5508              0       117.2705              0       117.6636
              0       119.4634              0       118.7035              0
       125.1899              0       121.5849              0       122.3269
              0       135.6943              0       139.4149              0
       144.6752              0       144.6148              0       150.9695
              0       142.5414              0       144.3236              0
       144.5863              0       144.5897              0       147.2684
              0       150.9258              0       154.3918              0
       142.8024              0       132.0583              0       132.8222
              0       133.1515              0       134.0961              0
        132.693              0       132.5547              0       134.7158
              0       136.6281              0       138.8897              0
       142.4072              0       153.9727              0       149.7127
              0       158.1967              0       161.7936              0
       162.2169

type = integer-attribute
name = TAXIS_NUMS
count = 8
 128 0 77002 -999 -999
 -999 -999 -999

type  = float-attribute
name  = TAXIS_FLOATS
count = 8
              0              2              0              0              0
        -999999        -999999        -999999

type = integer-attribute
name = DATASET_RANK
count = 8
 3 128 0 0 0
 0 0 0

type = integer-attribute
name = DATASET_DIMENSIONS
count = 5
 49 61 50 0 0

type = integer-attribute
name = BRICK_TYPES
count = 128
 3 3 3 3 3
 3 3 3 3 3
 3 3 3 3 3
 3 3 3 3 3
 3 3 3 3 3
 3 3 3 3 3
 3 3 3 3 3
 3 3 3 3 3
 3 3 3 3 3
 3 3 3 3 3
 3 3 3 3 3
 3 3 3 3 3
 3 3 3 3 3
 3 3 3 3 3
 3 3 3 3 3
 3 3 3 3 3
 3 3 3 3 3
 3 3 3 3 3
 3 3 3 3 3
 3 3 3 3 3
 3 3 3 3 3
 3 3 3 3 3
 3 3 3 3 3
 3 3 3 3 3
 3 3 3 3 3
 3 3 3

type  = float-attribute
name  = BRICK_FLOAT_FACS
count = 128
              0              0              0              0              0
              0              0              0              0              0
              0              0              0              0              0
              0              0              0              0              0
              0              0              0              0              0
              0              0              0              0              0
              0              0              0              0              0
              0              0              0              0              0
              0              0              0              0              0
              0              0              0              0              0
              0              0              0              0              0
              0              0              0              0              0
              0              0              0              0              0
              0              0              0              0              0
              0              0              0              0              0
              0              0              0              0              0
              0              0              0              0              0
              0              0              0              0              0
              0              0              0              0              0
              0              0              0              0              0
              0              0              0              0              0
              0              0              0              0              0
              0              0              0              0              0
              0              0              0              0              0
              0              0              0              0              0
              0              0              0

type = string-attribute
name = BRICK_LABS
count = 2712
'estudo1.TAREFA.n[3]~estudo1.TAREFA.n[4]~estudo1.TAREFA.n[5]~estudo1.TAREFA.n[6]~estudo1.TAREFA.n[7]~estudo1.TAREFA.n[8]~estudo1.TAREFA.n[9]~estudo1.TAREFA.n[10]~estudo1.TAREFA.n[11]~estudo1.TAREFA.n[12]~estudo1.TAREFA.n[13]~estudo1.TAREFA.n[14]~estudo1.TAREFA.n[15]~estudo1.TAREFA.n[16]~estudo1.TAREFA.n[17]~estudo1.TAREFA.n[18]~estudo1.TAREFA.n[19]~estudo1.TAREFA.n[20]~estudo1.TAREFA.n[21]~estudo1.TAREFA.n[22]~estudo1.TAREFA.n[23]~estudo1.TAREFA.n[24]~estudo1.TAREFA.n[25]~estudo1.TAREFA.n[26]~estudo1.TAREFA.n[27]~estudo1.TAREFA.n[28]~estudo1.TAREFA.n[29]~estudo1.TAREFA.n[30]~estudo1.TAREFA.n[31]~estudo1.TAREFA.n[32]~estudo1.TAREFA.n[33]~estudo1.TAREFA.n[34]~estudo1.TAREFA.n[35]~estudo1.TAREFA.n[36]~estudo1.TAREFA.n[37]~estudo1.TAREFA.n[38]~estudo1.TAREFA.n[39]~estudo1.TAREFA.n[40]~estudo1.TAREFA.n[41]~estudo1.TAREFA.n[42]~estudo1.TAREFA.n[43]~estudo1.TAREFA.n[44]~estudo1.TAREFA.n[45]~estudo1.TAREFA.n[46]~estudo1.TAREFA.n[47]~estudo1.TAREFA.n[48]~estudo1.TAREFA.n[49]~estudo1.TAREFA.n[50]~estudo1.TAREFA.n[51]~estudo1.TAREFA.n[52]~estudo1.TAREFA.n[53]~estudo1.TAREFA.n[54]~estudo1.TAREFA.n[55]~estudo1.TAREFA.n[56]~estudo1.TAREFA.n[57]~estudo1.TAREFA.n[58]~estudo1.TAREFA.n[59]~estudo1.TAREFA.n[60]~estudo1.TAREFA.n[61]~estudo1.TAREFA.n[62]~estudo1.TAREFA.n[63]~estudo1.TAREFA.n[64]~estudo1.TAREFA.n[65]~estudo1.TAREFA.n[66]~estudo1.TAREFA.n[67]~estudo1.TAREFA.n[68]~estudo1.TAREFA.n[69]~estudo1.TAREFA.n[70]~estudo1.TAREFA.n[71]~estudo1.TAREFA.n[72]~estudo1.TAREFA.n[73]~estudo1.TAREFA.n[74]~estudo1.TAREFA.n[75]~estudo1.TAREFA.n[76]~estudo1.TAREFA.n[77]~estudo1.TAREFA.n[78]~estudo1.TAREFA.n[79]~estudo1.TAREFA.n[80]~estudo1.TAREFA.n[81]~estudo1.TAREFA.n[82]~estudo1.TAREFA.n[83]~estudo1.TAREFA.n[84]~estudo1.TAREFA.n[85]~estudo1.TAREFA.n[86]~estudo1.TAREFA.n[87]~estudo1.TAREFA.n[88]~estudo1.TAREFA.n[89]~estudo1.TAREFA.n[90]~estudo1.TAREFA.n[91]~estudo1.TAREFA.n[92]~estudo1.TAREFA.n[93]~estudo1.TAREFA.n[94]~estudo1.TAREFA.n[95]~estudo1.TAREFA.n[96]~estudo1.TAREFA.n[97]~estudo1.TAREFA.n[98]~estudo1.TAREFA.n[99]~estudo1.TAREFA.n[100]~estudo1.TAREFA.n[101]~estudo1.TAREFA.n[102]~estudo1.TAREFA.n[103]~estudo1.TAREFA.n[104]~estudo1.TAREFA.n[105]~estudo1.TAREFA.n[106]~estudo1.TAREFA.n[107]~estudo1.TAREFA.n[108]~estudo1.TAREFA.n[109]~estudo1.TAREFA.n[110]~estudo1.TAREFA.n[111]~estudo1.TAREFA.n[112]~estudo1.TAREFA.n[113]~estudo1.TAREFA.n[114]~estudo1.TAREFA.n[115]~estudo1.TAREFA.n[116]~estudo1.TAREFA.n[117]~estudo1.TAREFA.n[118]~estudo1.TAREFA.n[119]~estudo1.TAREFA.n[120]~estudo1.TAREFA.n[121]~estudo1.TAREFA.n[122]~estudo1.TAREFA.n[123]~estudo1.TAREFA.n[124]~estudo1.TAREFA.n[125]~estudo1.TAREFA.n[126]~estudo1.TAREFA.n[127]~estudo1.TAREFA.n[128]~estudo1.TAREFA.n[129]~estudo1.TAREFA.n[130]~

type = string-attribute
name = BRICK_KEYWORDS
count = 128
'~~~~~~~~~~~~~~~~~~~~~~~~~~~~~~~~~~~~~~~~~~~~~~~~~~~~~~~~~~~~~~~~~~~~~~~~~~~~~~~~~~~~~~~~~~~~~~~~~~~~~~~~~~~~~~~~~~~~~~~~~~~~~~~~

type = string-attribute
name = TEMPLATE_SPACE
count = 4
'MNI~

type = integer-attribute
name = INT_CMAP
count = 1
 0

type = string-attribute
name = BYTEORDER_STRING
count = 10
'LSB_FIRST~
