
type = string-attribute
name = HISTORY_NOTE
count = 119
'[nathalia@marfim: Sun Jun  7 12:11:56 2015] 3dmask_tool -inputs rm.mask_r01+tlrc.HEAD -union -prefix full_mask.estudo1~

type = string-attribute
name = TYPESTRING
count = 15
'3DIM_HEAD_FUNC~

type = string-attribute
name = IDCODE_STRING
count = 27
'XYZ_5wX-2JzQDl4-PSCiy_qpvg~

type = string-attribute
name = IDCODE_DATE
count = 25
'Sun Jun  7 12:11:56 2015~

type = integer-attribute
name = SCENE_DATA
count = 8
 2 0 1 -999 -999
 -999 -999 -999

type = string-attribute
name = LABEL_1
count = 5
'zyxt~

type = string-attribute
name = LABEL_2
count = 5
'zyxt~

type = string-attribute
name = DATASET_NAME
count = 5
'zyxt~

type = integer-attribute
name = ORIENT_SPECIFIC
count = 3
 1 2 4

type  = float-attribute
name  = ORIGIN
count = 3
             72          107.5            -65

type  = float-attribute
name  = DELTA
count = 3
             -3             -3              3

type  = float-attribute
name  = IJK_TO_DICOM
count = 12
             -3              0              0             72              0
             -3              0          107.5              0              0
              3            -65

type  = float-attribute
name  = IJK_TO_DICOM_REAL
count = 12
             -3              0              0             72              0
             -3              0          107.5              0              0
              3            -65

type  = float-attribute
name  = BRICK_STATS
count = 2
              0              1

type = integer-attribute
name = DATASET_RANK
count = 8
 3 1 0 0 0
 0 0 0

type = integer-attribute
name = DATASET_DIMENSIONS
count = 5
 49 61 50 0 0

type = integer-attribute
name = BRICK_TYPES
count = 1
 0

type  = float-attribute
name  = BRICK_FLOAT_FACS
count = 1
              0

type = string-attribute
name = BRICK_LABS
count = 3
'#0~

type = string-attribute
name = BRICK_KEYWORDS
count = 1
'~

type = string-attribute
name = TEMPLATE_SPACE
count = 4
'MNI~

type = integer-attribute
name = INT_CMAP
count = 1
 0

type = string-attribute
name = BYTEORDER_STRING
count = 10
'LSB_FIRST~
