
type = string-attribute
name = HISTORY_NOTE
count = 518
'[nathalia@nathalia: Tue Jun  2 19:00:18 2015] ===================================\n[nathalia@nathalia: Tue Jun  2 19:00:18 2015] === History of inputs to 3dcalc ===\n[nathalia@nathalia: Tue Jun  2 19:00:18 2015] === Input a:\n[nathalia@nathalia: Tue Jun  2 19:00:18 2015] === Input b:\n[nathalia@nathalia: Tue Jun  2 19:00:18 2015] ===================================\n[nathalia@nathalia: Tue Jun  2 19:00:18 2015] 3dcalc -fscale -a SERIE3_IMFS2+tlrc.nii -b SERIE3_IMFS3+tlrc.nii -expr '(a-b)' -prefix stats.2_minus_3~

type = string-attribute
name = TYPESTRING
count = 15
'3DIM_HEAD_ANAT~

type = string-attribute
name = IDCODE_STRING
count = 27
'XYZ_BmcTqdyTnCA6rBxC3JPVRg~

type = string-attribute
name = IDCODE_DATE
count = 25
'Tue Jun  2 19:00:18 2015~

type = integer-attribute
name = SCENE_DATA
count = 8
 0 2 0 -999 -999
 -999 -999 -999

type = string-attribute
name = LABEL_1
count = 5
'zyxt~

type = string-attribute
name = LABEL_2
count = 5
'zyxt~

type = string-attribute
name = DATASET_NAME
count = 5
'zyxt~

type = integer-attribute
name = ORIENT_SPECIFIC
count = 3
 1 2 4

type  = float-attribute
name  = ORIGIN
count = 3
           73.5          110.5          -66.5

type  = float-attribute
name  = DELTA
count = 3
             -3             -3              3

type  = float-attribute
name  = IJK_TO_DICOM
count = 12
             -3              0              0           73.5              0
             -3              0          110.5              0              0
              3          -66.5

type  = float-attribute
name  = IJK_TO_DICOM_REAL
count = 12
             -3              0              0           73.5              0
             -3              0          110.5              0              0
              3          -66.5

type  = float-attribute
name  = BRICK_STATS
count = 256
              0              0      -4.912509       7.300629      -8.081758
       6.325006      -9.647885       9.934595      -9.751036       13.84952
      -9.349138       13.43357      -15.16901       13.48698      -19.41217
       13.57031      -22.02854       14.70543      -20.09698       12.51378
      -23.16478         10.901      -22.94095       10.88692      -19.52349
       12.32551      -18.37357         16.117      -19.79461       15.43661
      -20.47601       15.14301      -20.43944       15.04497      -19.72589
       13.62542      -18.43367       17.12717       -16.7411       16.10508
      -14.86618       16.83213       -13.5639       17.41955       -11.9717
       17.60122      -9.089932       17.40708      -9.388482       16.68709
      -7.692069       15.26588      -7.919549       12.99862      -9.319643
       9.815719      -11.57228       8.657457      -12.74971       8.456745
      -12.21425       10.04138      -10.67593       10.33608      -10.01635
       9.757436      -8.779816       8.671108      -7.559071       7.170768
      -8.155975       6.481122      -9.345068       6.914868      -9.246142
       7.124318      -8.264317       7.139699       -9.45771       7.934139
      -10.85909       8.222193      -10.78092        7.06609       -9.83973
       5.953002      -10.55859        5.51017      -10.12197       6.518217
      -10.89478        6.41757      -12.18626       5.929717      -13.00704
       6.257383      -13.41568         6.9455      -13.61552       7.064353
      -13.79299       12.88114      -14.02478       14.72937      -13.99631
       11.50635       -13.3582       6.846429      -11.88786       7.999465
      -9.873795       5.870041      -9.784012        6.07657      -6.396353
        6.37678      -5.895807       6.483468      -5.632596       6.853855
      -6.530873       7.127052      -6.485719       6.803299      -6.867696
       6.113964      -7.750529       6.185653      -7.402793       6.209346
      -6.137918       6.870423      -5.830204       6.431648      -4.889997
       6.961557      -5.320262       6.949975      -5.616245       6.910729
      -6.456473         6.9663      -7.569533        7.53222       -6.10454
       7.854435      -6.412129       7.493053      -6.675747       6.575488
      -6.670622       5.633977      -7.397334       6.247182      -7.097011
       5.639799       -7.59808       5.302655      -4.922888       7.089902
      -4.929629       6.275956      -5.756443       5.978553      -6.202456
       6.355293      -6.515321       6.252622      -6.886343       7.401666
      -7.908722       7.135051      -8.645401       6.476605      -8.951859
       6.388659      -8.720411       6.522786      -9.060502       10.30707
      -10.29298       11.26245      -9.915842        9.99941      -10.89315
        8.19253      -11.36164       7.079456      -11.28502       6.861354
      -10.92111       7.303586      -13.37966        8.10047      -13.18694
       8.982841      -14.40622       9.707392      -12.91616       10.04574
      -12.00228       10.57278      -12.56374       10.79341        -13.379
       10.16847      -14.26033       10.91236      -14.95785       10.56766
      -15.28834       10.34285      -15.24444       11.81256      -14.86946
       13.76237      -14.20443       14.49887      -13.27367       13.79742
      -12.02892       11.87355      -11.68635       11.02366       -12.0963
       13.42391      -12.54661       16.50833      -11.82971       18.33287
      -11.61994        20.6842      -10.89654       22.00872      -10.33401
       21.30082      -14.20603       16.81108      -18.81734       15.78155
      -17.14022        13.3731      -17.79445       15.18388      -17.61862
        13.0388      -8.199957        8.36492      -7.639384       7.084974
      -4.181147       6.304284      -3.387067       4.292102  -6.109476e-07
   5.364418e-07

type = integer-attribute
name = TAXIS_NUMS
count = 8
 128 0 77002 -999 -999
 -999 -999 -999

type  = float-attribute
name  = TAXIS_FLOATS
count = 8
              0              2              0              0              0
        -999999        -999999        -999999

type = integer-attribute
name = DATASET_RANK
count = 8
 3 128 0 0 0
 0 0 0

type = integer-attribute
name = DATASET_DIMENSIONS
count = 5
 50 63 51 0 0

type = integer-attribute
name = BRICK_TYPES
count = 128
 3 3 3 3 3
 3 3 3 3 3
 3 3 3 3 3
 3 3 3 3 3
 3 3 3 3 3
 3 3 3 3 3
 3 3 3 3 3
 3 3 3 3 3
 3 3 3 3 3
 3 3 3 3 3
 3 3 3 3 3
 3 3 3 3 3
 3 3 3 3 3
 3 3 3 3 3
 3 3 3 3 3
 3 3 3 3 3
 3 3 3 3 3
 3 3 3 3 3
 3 3 3 3 3
 3 3 3 3 3
 3 3 3 3 3
 3 3 3 3 3
 3 3 3 3 3
 3 3 3 3 3
 3 3 3 3 3
 3 3 3

type  = float-attribute
name  = BRICK_FLOAT_FACS
count = 128
              0              0              0              0              0
              0              0              0              0              0
              0              0              0              0              0
              0              0              0              0              0
              0              0              0              0              0
              0              0              0              0              0
              0              0              0              0              0
              0              0              0              0              0
              0              0              0              0              0
              0              0              0              0              0
              0              0              0              0              0
              0              0              0              0              0
              0              0              0              0              0
              0              0              0              0              0
              0              0              0              0              0
              0              0              0              0              0
              0              0              0              0              0
              0              0              0              0              0
              0              0              0              0              0
              0              0              0              0              0
              0              0              0              0              0
              0              0              0              0              0
              0              0              0              0              0
              0              0              0              0              0
              0              0              0              0              0
              0              0              0

type = string-attribute
name = TEMPLATE_SPACE
count = 5
'ORIG~

type = integer-attribute
name = INT_CMAP
count = 1
 0

type = string-attribute
name = BYTEORDER_STRING
count = 10
'LSB_FIRST~
