
type = string-attribute
name = HISTORY_NOTE
count = 518
'[nathalia@nathalia: Tue Jun  2 19:01:29 2015] ===================================\n[nathalia@nathalia: Tue Jun  2 19:01:29 2015] === History of inputs to 3dcalc ===\n[nathalia@nathalia: Tue Jun  2 19:01:29 2015] === Input a:\n[nathalia@nathalia: Tue Jun  2 19:01:29 2015] === Input b:\n[nathalia@nathalia: Tue Jun  2 19:01:29 2015] ===================================\n[nathalia@nathalia: Tue Jun  2 19:01:29 2015] 3dcalc -fscale -a SERIE3_IMFS8+tlrc.nii -b SERIE3_IMFS9+tlrc.nii -expr '(a-b)' -prefix stats.8_minus_9~

type = string-attribute
name = TYPESTRING
count = 15
'3DIM_HEAD_ANAT~

type = string-attribute
name = IDCODE_STRING
count = 27
'XYZ_LiNdKr06d511b8ef84cf7A~

type = string-attribute
name = IDCODE_DATE
count = 25
'Tue Jun  2 19:01:29 2015~

type = integer-attribute
name = SCENE_DATA
count = 8
 0 2 0 -999 -999
 -999 -999 -999

type = string-attribute
name = LABEL_1
count = 5
'zyxt~

type = string-attribute
name = LABEL_2
count = 5
'zyxt~

type = string-attribute
name = DATASET_NAME
count = 5
'zyxt~

type = integer-attribute
name = ORIENT_SPECIFIC
count = 3
 1 2 4

type  = float-attribute
name  = ORIGIN
count = 3
           73.5          110.5          -66.5

type  = float-attribute
name  = DELTA
count = 3
             -3             -3              3

type  = float-attribute
name  = IJK_TO_DICOM
count = 12
             -3              0              0           73.5              0
             -3              0          110.5              0              0
              3          -66.5

type  = float-attribute
name  = IJK_TO_DICOM_REAL
count = 12
             -3              0              0           73.5              0
             -3              0          110.5              0              0
              3          -66.5

type  = float-attribute
name  = BRICK_STATS
count = 256
      -102.6808       119.5271      -102.6397       118.7753      -102.5946
       118.0378      -102.5457       117.3146      -102.4932       116.6054
      -102.4372       115.9102      -102.3778       115.2289      -102.3151
       114.5612      -102.2492       113.9072      -102.1804       113.2666
      -102.1087       112.6394      -102.0342       112.0254      -101.9571
       111.4245      -101.8776       110.8366      -101.7956       110.2615
      -101.7115       109.6992      -101.6252       109.1494       -101.537
       108.6122       -101.447       108.0872      -101.3552       107.5746
      -101.2619        107.074      -101.2975       106.5854      -101.3775
       106.1087      -101.4591       105.6438      -101.5418        105.438
      -101.6256       105.3529      -101.7101       105.2683      -101.7952
       105.1843      -101.8806       105.1009       -101.966       105.0179
      -102.0513       104.9354      -102.1362       104.8533      -102.2205
       104.9278      -102.3039       105.0259      -102.3863       105.1171
      -102.4674       105.2017      -102.5469       105.2796      -102.6246
        105.351      -102.7004       105.4159      -102.7739       105.4744
      -102.8449       105.5267      -102.9977       105.5727      -103.1865
       105.6125      -103.3702       105.6464      -103.5483       105.6742
      -103.7207       105.6961       -103.887       105.7123      -104.0469
       105.7227      -104.2003       105.7274      -104.3468       105.7266
      -104.4861       105.7202       -104.618       105.7085      -104.7421
       105.6914      -104.8583       105.6691      -104.9662       105.7376
      -105.0655       105.9281       -105.156       106.1145      -105.2374
       106.2967      -105.3094       106.4745      -105.3717       106.6477
      -105.4242        106.816      -105.4664       106.9792      -105.4981
       107.1372       -105.519       107.2897      -105.5289       107.4366
      -105.5275       107.5775      -105.5144       107.7124      -105.4895
        107.841      -105.4528        107.963      -105.4047       108.0783
      -105.3456       108.1867      -105.2761        108.288      -105.1966
        108.382      -105.1075       108.4683      -105.0095        108.547
      -104.9028       108.6176      -104.7881       108.6801      -104.6658
       108.7342      -104.5363       108.7797      -104.4001       108.8165
      -104.2578       108.8442      -104.1097       108.8627      -103.9564
       108.8717      -103.7983       108.8712       -103.636       108.8608
      -103.4698       108.8404       -103.355       108.8097      -103.3777
       108.7685       -103.395       108.7167      -103.4072        108.654
      -103.4147       108.5802      -103.4176       108.4951      -103.4161
       108.3986      -103.4105       108.2903      -103.4012       108.1701
      -103.3882       108.0377      -103.3718        107.893      -103.3524
       107.7358      -103.3301       107.5659      -103.3051       107.3829
      -103.2777       107.1869      -103.2482       106.9774      -103.2168
       106.7544      -103.1837       106.7093      -103.1492       107.0572
      -103.1135       107.4142      -103.0769       107.7805      -103.0396
       108.1563      -103.0018       108.5418      -102.9638        108.937
      -102.9258       109.3422      -102.8882       109.7576       -102.851
       110.1833      -102.8146       110.6195      -102.7791       111.0663
      -102.7449       111.5239      -102.7122       111.9924      -102.6812
       112.4722      -102.6522       112.9632      -102.6254       113.4657
       -102.601       113.9798      -102.5793       114.5058      -102.5606
       115.0437      -102.5451       115.5938      -102.5329       116.1562
      -102.5244        116.731      -102.5198       117.3185      -102.5194
       117.9188

type = integer-attribute
name = TAXIS_NUMS
count = 8
 128 0 77002 -999 -999
 -999 -999 -999

type  = float-attribute
name  = TAXIS_FLOATS
count = 8
              0              2              0              0              0
        -999999        -999999        -999999

type = integer-attribute
name = DATASET_RANK
count = 8
 3 128 0 0 0
 0 0 0

type = integer-attribute
name = DATASET_DIMENSIONS
count = 5
 50 63 51 0 0

type = integer-attribute
name = BRICK_TYPES
count = 128
 3 3 3 3 3
 3 3 3 3 3
 3 3 3 3 3
 3 3 3 3 3
 3 3 3 3 3
 3 3 3 3 3
 3 3 3 3 3
 3 3 3 3 3
 3 3 3 3 3
 3 3 3 3 3
 3 3 3 3 3
 3 3 3 3 3
 3 3 3 3 3
 3 3 3 3 3
 3 3 3 3 3
 3 3 3 3 3
 3 3 3 3 3
 3 3 3 3 3
 3 3 3 3 3
 3 3 3 3 3
 3 3 3 3 3
 3 3 3 3 3
 3 3 3 3 3
 3 3 3 3 3
 3 3 3 3 3
 3 3 3

type  = float-attribute
name  = BRICK_FLOAT_FACS
count = 128
              0              0              0              0              0
              0              0              0              0              0
              0              0              0              0              0
              0              0              0              0              0
              0              0              0              0              0
              0              0              0              0              0
              0              0              0              0              0
              0              0              0              0              0
              0              0              0              0              0
              0              0              0              0              0
              0              0              0              0              0
              0              0              0              0              0
              0              0              0              0              0
              0              0              0              0              0
              0              0              0              0              0
              0              0              0              0              0
              0              0              0              0              0
              0              0              0              0              0
              0              0              0              0              0
              0              0              0              0              0
              0              0              0              0              0
              0              0              0              0              0
              0              0              0              0              0
              0              0              0              0              0
              0              0              0              0              0
              0              0              0

type = string-attribute
name = TEMPLATE_SPACE
count = 5
'ORIG~

type = integer-attribute
name = INT_CMAP
count = 1
 0

type = string-attribute
name = BYTEORDER_STRING
count = 10
'LSB_FIRST~
