
type = string-attribute
name = HISTORY_NOTE
count = 518
'[nathalia@nathalia: Tue Jun  2 19:00:54 2015] ===================================\n[nathalia@nathalia: Tue Jun  2 19:00:54 2015] === History of inputs to 3dcalc ===\n[nathalia@nathalia: Tue Jun  2 19:00:54 2015] === Input a:\n[nathalia@nathalia: Tue Jun  2 19:00:54 2015] === Input b:\n[nathalia@nathalia: Tue Jun  2 19:00:54 2015] ===================================\n[nathalia@nathalia: Tue Jun  2 19:00:54 2015] 3dcalc -fscale -a SERIE3_IMFS5+tlrc.nii -b SERIE3_IMFS6+tlrc.nii -expr '(a-b)' -prefix stats.5_minus_6~

type = string-attribute
name = TYPESTRING
count = 15
'3DIM_HEAD_ANAT~

type = string-attribute
name = IDCODE_STRING
count = 27
'XYZ_Las5CDbqC61xjDMBBl_zLg~

type = string-attribute
name = IDCODE_DATE
count = 25
'Tue Jun  2 19:00:54 2015~

type = integer-attribute
name = SCENE_DATA
count = 8
 0 2 0 -999 -999
 -999 -999 -999

type = string-attribute
name = LABEL_1
count = 5
'zyxt~

type = string-attribute
name = LABEL_2
count = 5
'zyxt~

type = string-attribute
name = DATASET_NAME
count = 5
'zyxt~

type = integer-attribute
name = ORIENT_SPECIFIC
count = 3
 1 2 4

type  = float-attribute
name  = ORIGIN
count = 3
           73.5          110.5          -66.5

type  = float-attribute
name  = DELTA
count = 3
             -3             -3              3

type  = float-attribute
name  = IJK_TO_DICOM
count = 12
             -3              0              0           73.5              0
             -3              0          110.5              0              0
              3          -66.5

type  = float-attribute
name  = IJK_TO_DICOM_REAL
count = 12
             -3              0              0           73.5              0
             -3              0          110.5              0              0
              3          -66.5

type  = float-attribute
name  = BRICK_STATS
count = 256
      -126.1094       130.9245      -126.6633       130.8889      -127.0093
        130.828      -127.1589        130.742      -127.1236       130.6317
      -126.9149       130.4974      -126.5443       130.3397      -126.0233
       130.1591      -125.3635       129.9561      -124.5763       129.7311
      -123.8236       129.4848       -123.434       129.2176      -122.9978
         128.93      -122.5177       128.6226      -121.9962       128.2958
      -121.4359       127.9501      -120.8394       127.5861      -120.2093
       127.2043      -119.5482       126.8051      -118.8587       126.3891
      -118.1433       125.9568      -117.4047       125.5086      -116.6454
       125.0452      -116.0306        124.567      -116.2642       124.0744
      -116.4555       123.5681       -116.594       123.0485      -116.6742
       122.5162      -116.6913       121.9716      -116.6408       121.4152
      -116.5188       120.8476      -116.3236       120.2692      -116.0538
       119.6807      -115.7084       119.0824      -115.2862       118.4748
      -114.9892       117.8586       -116.009       117.2342      -116.9705
       116.6021      -117.8689       115.9627      -118.7014       115.3167
      -119.4668       114.6646      -120.1644       114.0067      -120.7948
       113.3438      -121.3608       112.6761      -121.8659       112.0043
      -122.3137       111.3289      -122.7081       110.6503      -123.0528
       109.9691      -123.3504       109.2859      -123.6034        108.601
      -123.8136        107.915      -123.9821       107.2284      -124.1096
       106.5417       -124.197       105.8554      -124.2453       105.2205
      -124.2553       105.5006      -124.2281       105.9881      -124.1643
       106.4526      -124.0649       106.8932      -123.9308        107.309
      -123.7624       107.6991      -123.5606       108.0627      -123.3261
       108.3987      -123.0596       108.7064      -122.7617       108.9847
      -122.4331       109.2329      -122.0746       109.4897      -121.6868
       110.0922      -121.2705       110.6794      -120.8263       111.2518
       -120.355        111.811      -119.8572       112.3586       -119.773
       112.8964      -119.7367       113.4261      -119.6807       113.9493
      -119.6036       114.4678       -119.504       114.9833      -119.3804
       115.4974      -119.2312        116.011      -119.3065       116.5212
      -119.5787       117.0241      -119.7908       117.5161      -119.9549
       117.9933      -120.0834       118.4519      -120.1883       118.8882
       -120.282       119.2983      -120.4381       119.6787      -121.5487
       120.0274      -122.5783       120.3462      -123.5184       120.6374
      -124.3607       120.9037      -125.0966       121.1476      -125.7185
       121.3715      -126.2224        121.578      -126.6113       121.7696
      -126.8909       121.9488      -127.0672       122.1181      -127.1462
       122.2797      -127.1338       122.4341      -127.0361       122.5814
       -126.859       122.7216      -126.6086       122.8545      -126.5562
       122.9793      -126.6913       123.0957      -126.7977       123.2032
      -126.8761       123.3011      -126.9271       123.3891      -126.9514
       123.4666      -126.9498       123.5331      -126.9228        123.588
      -126.8712       123.6309      -126.7957       123.6613      -126.6969
       123.6786      -126.5756       123.6823      -126.4324        123.672
       -126.268       123.6471      -126.0831       123.6071      -125.8783
       123.5515      -125.6545       123.4798      -125.4122       123.3914
      -125.1522        123.286       -124.875       123.1628      -124.5815
       123.0216      -124.2723       122.8616       -123.948       122.6825
      -123.6312       122.4837      -123.9401       122.2647      -125.0835
       122.0251

type = integer-attribute
name = TAXIS_NUMS
count = 8
 128 0 77002 -999 -999
 -999 -999 -999

type  = float-attribute
name  = TAXIS_FLOATS
count = 8
              0              2              0              0              0
        -999999        -999999        -999999

type = integer-attribute
name = DATASET_RANK
count = 8
 3 128 0 0 0
 0 0 0

type = integer-attribute
name = DATASET_DIMENSIONS
count = 5
 50 63 51 0 0

type = integer-attribute
name = BRICK_TYPES
count = 128
 3 3 3 3 3
 3 3 3 3 3
 3 3 3 3 3
 3 3 3 3 3
 3 3 3 3 3
 3 3 3 3 3
 3 3 3 3 3
 3 3 3 3 3
 3 3 3 3 3
 3 3 3 3 3
 3 3 3 3 3
 3 3 3 3 3
 3 3 3 3 3
 3 3 3 3 3
 3 3 3 3 3
 3 3 3 3 3
 3 3 3 3 3
 3 3 3 3 3
 3 3 3 3 3
 3 3 3 3 3
 3 3 3 3 3
 3 3 3 3 3
 3 3 3 3 3
 3 3 3 3 3
 3 3 3 3 3
 3 3 3

type  = float-attribute
name  = BRICK_FLOAT_FACS
count = 128
              0              0              0              0              0
              0              0              0              0              0
              0              0              0              0              0
              0              0              0              0              0
              0              0              0              0              0
              0              0              0              0              0
              0              0              0              0              0
              0              0              0              0              0
              0              0              0              0              0
              0              0              0              0              0
              0              0              0              0              0
              0              0              0              0              0
              0              0              0              0              0
              0              0              0              0              0
              0              0              0              0              0
              0              0              0              0              0
              0              0              0              0              0
              0              0              0              0              0
              0              0              0              0              0
              0              0              0              0              0
              0              0              0              0              0
              0              0              0              0              0
              0              0              0              0              0
              0              0              0              0              0
              0              0              0              0              0
              0              0              0

type = string-attribute
name = TEMPLATE_SPACE
count = 5
'ORIG~

type = integer-attribute
name = INT_CMAP
count = 1
 0

type = string-attribute
name = BYTEORDER_STRING
count = 10
'LSB_FIRST~
