
type = string-attribute
name = HISTORY_NOTE
count = 6185
'[nathalia@nathalia: Sun Jun  7 18:14:27 2015] ===================================\n[nathalia@nathalia: Sun Jun  7 18:14:27 2015] === History of inputs to 3dcalc ===\n[nathalia@nathalia: Sun Jun  7 18:14:27 2015] === Input a:\n[nathalia@nathalia: Sun Jun  7 18:14:27 2015] [nathalia@marfim: Sat May 30 21:20:43 2015] ===================================\n[nathalia@marfim: Sat May 30 21:20:43 2015] === History of inputs to 3dcalc ===\n[nathalia@marfim: Sat May 30 21:20:43 2015] === Input a:\n[nathalia@marfim: Sat May 30 21:20:43 2015] [nathalia@marfim: Sat May 30 21:20:39 2015] ===================================\n[nathalia@marfim: Sat May 30 21:20:39 2015] === History of inputs to 3dcalc ===\n[nathalia@marfim: Sat May 30 21:20:39 2015] === Input a:\n[nathalia@marfim: Sat May 30 21:20:39 2015] [nathalia@marfim: Sat May 30 17:54:06 2015] 3dDespike -NEW -nomask -prefix pb01.SERIE3.r01.despike pb00.SERIE3.r01.tcat+orig\n[nathalia@marfim: Sat May 30 17:54:07 2015] 3dTshift -tzero 0 -quintic -prefix pb02.SERIE3.r01.tshift -tpattern alt+z pb01.SERIE3.r01.despike+orig\n[nathalia@marfim: Sat May 30 21:13:09 2015] 3dNwarpApply -master SERIE1_unif_ns+tlrc -dxyz 3 -source pb02.SERIE3.r01.tshift+orig -nwarp 'anat.aff.qw_WARP.nii mat.r01.warp.aff12.1D' -prefix rm.epi.nomask.r01\n[nathalia@marfim: Sat May 30 21:20:39 2015] === Input b:\n[nathalia@marfim: Sat May 30 21:20:39 2015] [nathalia@marfim: Sat May 30 17:54:06 2015] 3dDespike -NEW -nomask -prefix pb01.SERIE3.r01.despike pb00.SERIE3.r01.tcat+orig\n[nathalia@marfim: Sat May 30 17:54:07 2015] 3dTshift -tzero 0 -quintic -prefix pb02.SERIE3.r01.tshift -tpattern alt+z pb01.SERIE3.r01.despike+orig\n[nathalia@marfim: Sat May 30 21:05:10 2015] 3dcalc -a pb02.SERIE3.r01.tshift+orig -expr 1 -prefix rm.epi.all1\n[nathalia@marfim: Sat May 30 21:20:38 2015] 3dNwarpApply -master SERIE1_unif_ns+tlrc -dxyz 3 -source rm.epi.all1+orig -nwarp 'anat.aff.qw_WARP.nii mat.r01.warp.aff12.1D' -prefix rm.epi.1.r01 -ainterp NN -quiet\n[nathalia@marfim: Sat May 30 21:20:39 2015] 3dTstat -min -prefix rm.epi.min.r01 rm.epi.1.r01+tlrc\n[nathalia@marfim: Sat May 30 21:20:39 2015] 3dcopy rm.epi.min.r01+tlrc mask_epi_extents\n[nathalia@marfim: Sat May 30 21:20:39 2015] ===================================\n[nathalia@marfim: Sat May 30 21:20:39 2015] 3dcalc -a rm.epi.nomask.r01+tlrc -b mask_epi_extents+tlrc -expr 'a*b' -prefix pb03.SERIE3.r01.volreg\n[nathalia@marfim: Sat May 30 21:20:42 2015] 3dmerge -1blur_fwhm 6 -doall -prefix pb04.SERIE3.r01.blur pb03.SERIE3.r01.volreg+tlrc\n[nathalia@marfim: Sat May 30 21:20:43 2015] === Input b:\n[nathalia@marfim: Sat May 30 21:20:43 2015] [nathalia@marfim: Sat May 30 21:20:39 2015] ===================================\n[nathalia@marfim: Sat May 30 21:20:39 2015] === History of inputs to 3dcalc ===\n[nathalia@marfim: Sat May 30 21:20:39 2015] === Input a:\n[nathalia@marfim: Sat May 30 21:20:39 2015] [nathalia@marfim: Sat May 30 17:54:06 2015] 3dDespike -NEW -nomask -prefix pb01.SERIE3.r01.despike pb00.SERIE3.r01.tcat+orig\n[nathalia@marfim: Sat May 30 17:54:07 2015] 3dTshift -tzero 0 -quintic -prefix pb02.SERIE3.r01.tshift -tpattern alt+z pb01.SERIE3.r01.despike+orig\n[nathalia@marfim: Sat May 30 21:13:09 2015] 3dNwarpApply -master SERIE1_unif_ns+tlrc -dxyz 3 -source pb02.SERIE3.r01.tshift+orig -nwarp 'anat.aff.qw_WARP.nii mat.r01.warp.aff12.1D' -prefix rm.epi.nomask.r01\n[nathalia@marfim: Sat May 30 21:20:39 2015] === Input b:\n[nathalia@marfim: Sat May 30 21:20:39 2015] [nathalia@marfim: Sat May 30 17:54:06 2015] 3dDespike -NEW -nomask -prefix pb01.SERIE3.r01.despike pb00.SERIE3.r01.tcat+orig\n[nathalia@marfim: Sat May 30 17:54:07 2015] 3dTshift -tzero 0 -quintic -prefix pb02.SERIE3.r01.tshift -tpattern alt+z pb01.SERIE3.r01.despike+orig\n[nathalia@marfim: Sat May 30 21:05:10 2015] 3dcalc -a pb02.SERIE3.r01.tshift+orig -expr 1 -prefix rm.epi.all1\n[nathalia@marfim: Sat May 30 21:20:38 2015] 3dNwarpApply -master SERIE1_unif_ns+tlrc -dxyz 3 -source rm.epi.all1+orig -nwarp 'anat.aff.qw_WARP.nii mat.r01.warp.aff12.1D' -prefix rm.epi.1.r01 -ainterp NN -quiet\n[nathalia@marfim: Sat May 30 21:20:39 2015] 3dTstat -min -prefix rm.epi.min.r01 rm.epi.1.r01+tlrc\n[nathalia@marfim: Sat May 30 21:20:39 2015] 3dcopy rm.epi.min.r01+tlrc mask_epi_extents\n[nathalia@marfim: Sat May 30 21:20:39 2015] ===================================\n[nathalia@marfim: Sat May 30 21:20:39 2015] 3dcalc -a rm.epi.nomask.r01+tlrc -b mask_epi_extents+tlrc -expr 'a*b' -prefix pb03.SERIE3.r01.volreg\n[nathalia@marfim: Sat May 30 21:20:42 2015] 3dmerge -1blur_fwhm 6 -doall -prefix pb04.SERIE3.r01.blur pb03.SERIE3.r01.volreg+tlrc\n[nathalia@marfim: Sat May 30 21:20:43 2015] 3dTstat -prefix rm.mean_r01 pb04.SERIE3.r01.blur+tlrc\n[nathalia@marfim: Sat May 30 21:20:43 2015] === Input c:\n[nathalia@marfim: Sat May 30 21:20:43 2015] [nathalia@marfim: Sat May 30 17:54:06 2015] 3dDespike -NEW -nomask -prefix pb01.SERIE3.r01.despike pb00.SERIE3.r01.tcat+orig\n[nathalia@marfim: Sat May 30 17:54:07 2015] 3dTshift -tzero 0 -quintic -prefix pb02.SERIE3.r01.tshift -tpattern alt+z pb01.SERIE3.r01.despike+orig\n[nathalia@marfim: Sat May 30 21:05:10 2015] 3dcalc -a pb02.SERIE3.r01.tshift+orig -expr 1 -prefix rm.epi.all1\n[nathalia@marfim: Sat May 30 21:20:38 2015] 3dNwarpApply -master SERIE1_unif_ns+tlrc -dxyz 3 -source rm.epi.all1+orig -nwarp 'anat.aff.qw_WARP.nii mat.r01.warp.aff12.1D' -prefix rm.epi.1.r01 -ainterp NN -quiet\n[nathalia@marfim: Sat May 30 21:20:39 2015] 3dTstat -min -prefix rm.epi.min.r01 rm.epi.1.r01+tlrc\n[nathalia@marfim: Sat May 30 21:20:39 2015] 3dcopy rm.epi.min.r01+tlrc mask_epi_extents\n[nathalia@marfim: Sat May 30 21:20:43 2015] ===================================\n[nathalia@marfim: Sat May 30 21:20:43 2015] 3dcalc -a pb04.SERIE3.r01.blur+tlrc -b rm.mean_r01+tlrc -c mask_epi_extents+tlrc -expr 'c * min(200, a/b*100)*step(a)*step(b)' -prefix pb05.SERIE3.r01.scale\n[nathalia@nathalia: Sun Jun  7 18:14:27 2015] === Input b:\n[nathalia@nathalia: Sun Jun  7 18:14:27 2015] ===================================\n[nathalia@nathalia: Sun Jun  7 18:14:27 2015] 3dcalc -fscale -a pb05.SERIE3.r01.scale.nii -b SERIE3_IMFS8+tlrc.nii -expr '(a-b)' -prefix stats.orig_minus_8~

type = string-attribute
name = TYPESTRING
count = 15
'3DIM_HEAD_ANAT~

type = string-attribute
name = IDCODE_STRING
count = 27
'XYZ_S37v4GsfGpC1FMUp-CuFlg~

type = string-attribute
name = IDCODE_DATE
count = 25
'Sun Jun  7 18:14:27 2015~

type = integer-attribute
name = SCENE_DATA
count = 8
 2 2 0 -999 -999
 -999 -999 -999

type = string-attribute
name = LABEL_1
count = 5
'zyxt~

type = string-attribute
name = LABEL_2
count = 5
'zyxt~

type = string-attribute
name = DATASET_NAME
count = 5
'zyxt~

type = integer-attribute
name = ORIENT_SPECIFIC
count = 3
 1 2 4

type  = float-attribute
name  = ORIGIN
count = 3
           73.5          110.5          -66.5

type  = float-attribute
name  = DELTA
count = 3
             -3             -3              3

type  = float-attribute
name  = IJK_TO_DICOM
count = 12
             -3              0              0           73.5              0
             -3              0          110.5              0              0
              3          -66.5

type  = float-attribute
name  = IJK_TO_DICOM_REAL
count = 12
             -3              0              0           73.5              0
             -3              0          110.5              0              0
              3          -66.5

type  = float-attribute
name  = BRICK_STATS
count = 256
              0       143.2972      -7.425484       137.8015      -8.599335
       133.4747      -9.767265       142.1172      -10.26205       139.4955
      -6.993149       142.1909      -9.828979       143.9785      -8.430916
       148.5891      -6.482292       148.5509      -8.048256       145.9517
      -8.998909       144.2384      -10.42568       146.3023      -10.23267
       146.0988      -6.616875       146.6481      -13.44118       137.4008
      -8.747406       140.9479      -4.665352       132.7029      -7.934853
       130.6184      -8.524063       129.5608      -7.602837       138.9991
      -6.692146       137.1894      -7.591484       129.9086      -9.411964
       133.3414      -4.436844       131.6572      -12.54351       132.5502
       -6.38871        137.368      -7.643631       135.5727      -7.364006
       134.0423      -6.547997       128.2538      -11.42376       140.6271
      -10.19578       135.3373      -4.823074       129.9667       -7.96579
       132.4936      -7.345161       146.2225       -13.7523       152.5104
      -6.680283       121.0594      -9.259254       126.1031      -10.28428
       124.5002      -9.922386       130.0143      -10.15537       121.3576
      -12.45576       127.3631      -8.908768       120.3699      -12.10165
       125.4098      -9.707726       118.9895      -12.56618       123.0668
      -10.21346       121.2589      -10.63026       120.1637      -8.792229
       127.0355      -7.649086       120.4264      -9.672409       123.7545
      -12.01172        126.091      -9.107704       122.8464      -8.339088
       118.0716      -6.985023       120.0791       -11.1493       121.7494
      -11.22651       139.6063      -13.03924       118.1808      -11.54026
       116.6101      -7.477692       135.0352      -9.901215       121.2684
      -11.14349       119.8291      -9.302956       120.7285      -10.10413
       122.1254      -12.74356       121.1104      -12.18716       145.8769
      -14.12272       122.3518       -9.32502       117.5495      -11.09177
       118.4337      -13.46521       121.7174      -13.82961       122.4602
      -7.551453       124.7342      -7.575218        123.918      -9.482811
       161.6532      -14.80713       139.9014      -11.78301       125.1359
      -7.474548       126.0202      -9.880173       156.6728       -12.5377
       164.9842         -15.62       141.5264      -11.17076       171.3727
      -5.186958       130.9002      -5.445969       127.3883      -9.361008
       152.4953      -10.34515       155.0564      -7.197685       174.6661
      -8.999832       130.3728      -10.41972        165.167      -13.10858
       127.1139      -14.08279       130.5156      -8.737541       159.0854
      -8.188713       123.8149      -8.423782       125.9019      -8.457146
       130.7614      -4.965149       129.0611      -6.902588       133.8823
      -6.880157       132.9634      -9.225662       140.6706      -10.06599
       134.5488      -11.37135       134.3219       -10.8514       143.8895
      -8.966042       159.9361      -10.21548       158.6724      -4.750626
       132.5036      -10.26682       132.5567      -11.73125       168.1221
      -8.401169        171.806      -6.266441       132.5296      -8.295807
       137.1358      -7.504662       129.4612      -10.80994        135.324
      -10.47293       129.0562      -6.595772       127.5452      -9.394173
       135.8692      -6.692314       137.6817      -10.72014       137.9664
      -7.287895       139.1652       -10.4432       141.0702      -7.335815
       142.4196      -8.947243       144.6861       -10.3077       143.6206
      -7.326218       143.2766      -9.758011       153.0313      -14.74232
        143.445      -9.221832       153.6923      -7.631935       146.1041
      -10.78201       166.0415      -12.36386       143.7894              0
       140.1192

type = integer-attribute
name = TAXIS_NUMS
count = 8
 128 0 77002 -999 -999
 -999 -999 -999

type  = float-attribute
name  = TAXIS_FLOATS
count = 8
              0              2              0              0              0
        -999999        -999999        -999999

type = integer-attribute
name = DATASET_RANK
count = 8
 3 128 0 0 0
 0 0 0

type = integer-attribute
name = DATASET_DIMENSIONS
count = 5
 50 63 51 0 0

type = integer-attribute
name = BRICK_TYPES
count = 128
 3 3 3 3 3
 3 3 3 3 3
 3 3 3 3 3
 3 3 3 3 3
 3 3 3 3 3
 3 3 3 3 3
 3 3 3 3 3
 3 3 3 3 3
 3 3 3 3 3
 3 3 3 3 3
 3 3 3 3 3
 3 3 3 3 3
 3 3 3 3 3
 3 3 3 3 3
 3 3 3 3 3
 3 3 3 3 3
 3 3 3 3 3
 3 3 3 3 3
 3 3 3 3 3
 3 3 3 3 3
 3 3 3 3 3
 3 3 3 3 3
 3 3 3 3 3
 3 3 3 3 3
 3 3 3 3 3
 3 3 3

type  = float-attribute
name  = BRICK_FLOAT_FACS
count = 128
              0              0              0              0              0
              0              0              0              0              0
              0              0              0              0              0
              0              0              0              0              0
              0              0              0              0              0
              0              0              0              0              0
              0              0              0              0              0
              0              0              0              0              0
              0              0              0              0              0
              0              0              0              0              0
              0              0              0              0              0
              0              0              0              0              0
              0              0              0              0              0
              0              0              0              0              0
              0              0              0              0              0
              0              0              0              0              0
              0              0              0              0              0
              0              0              0              0              0
              0              0              0              0              0
              0              0              0              0              0
              0              0              0              0              0
              0              0              0              0              0
              0              0              0              0              0
              0              0              0              0              0
              0              0              0              0              0
              0              0              0

type = string-attribute
name = BRICK_LABS
count = 2328
'SERIE3.nii.gz[3]~SERIE3.nii.gz[4]~SERIE3.nii.gz[5]~SERIE3.nii.gz[6]~SERIE3.nii.gz[7]~SERIE3.nii.gz[8]~SERIE3.nii.gz[9]~SERIE3.nii.gz[10]~SERIE3.nii.gz[11]~SERIE3.nii.gz[12]~SERIE3.nii.gz[13]~SERIE3.nii.gz[14]~SERIE3.nii.gz[15]~SERIE3.nii.gz[16]~SERIE3.nii.gz[17]~SERIE3.nii.gz[18]~SERIE3.nii.gz[19]~SERIE3.nii.gz[20]~SERIE3.nii.gz[21]~SERIE3.nii.gz[22]~SERIE3.nii.gz[23]~SERIE3.nii.gz[24]~SERIE3.nii.gz[25]~SERIE3.nii.gz[26]~SERIE3.nii.gz[27]~SERIE3.nii.gz[28]~SERIE3.nii.gz[29]~SERIE3.nii.gz[30]~SERIE3.nii.gz[31]~SERIE3.nii.gz[32]~SERIE3.nii.gz[33]~SERIE3.nii.gz[34]~SERIE3.nii.gz[35]~SERIE3.nii.gz[36]~SERIE3.nii.gz[37]~SERIE3.nii.gz[38]~SERIE3.nii.gz[39]~SERIE3.nii.gz[40]~SERIE3.nii.gz[41]~SERIE3.nii.gz[42]~SERIE3.nii.gz[43]~SERIE3.nii.gz[44]~SERIE3.nii.gz[45]~SERIE3.nii.gz[46]~SERIE3.nii.gz[47]~SERIE3.nii.gz[48]~SERIE3.nii.gz[49]~SERIE3.nii.gz[50]~SERIE3.nii.gz[51]~SERIE3.nii.gz[52]~SERIE3.nii.gz[53]~SERIE3.nii.gz[54]~SERIE3.nii.gz[55]~SERIE3.nii.gz[56]~SERIE3.nii.gz[57]~SERIE3.nii.gz[58]~SERIE3.nii.gz[59]~SERIE3.nii.gz[60]~SERIE3.nii.gz[61]~SERIE3.nii.gz[62]~SERIE3.nii.gz[63]~SERIE3.nii.gz[64]~SERIE3.nii.gz[65]~SERIE3.nii.gz[66]~SERIE3.nii.gz[67]~SERIE3.nii.gz[68]~SERIE3.nii.gz[69]~SERIE3.nii.gz[70]~SERIE3.nii.gz[71]~SERIE3.nii.gz[72]~SERIE3.nii.gz[73]~SERIE3.nii.gz[74]~SERIE3.nii.gz[75]~SERIE3.nii.gz[76]~SERIE3.nii.gz[77]~SERIE3.nii.gz[78]~SERIE3.nii.gz[79]~SERIE3.nii.gz[80]~SERIE3.nii.gz[81]~SERIE3.nii.gz[82]~SERIE3.nii.gz[83]~SERIE3.nii.gz[84]~SERIE3.nii.gz[85]~SERIE3.nii.gz[86]~SERIE3.nii.gz[87]~SERIE3.nii.gz[88]~SERIE3.nii.gz[89]~SERIE3.nii.gz[90]~SERIE3.nii.gz[91]~SERIE3.nii.gz[92]~SERIE3.nii.gz[93]~SERIE3.nii.gz[94]~SERIE3.nii.gz[95]~SERIE3.nii.gz[96]~SERIE3.nii.gz[97]~SERIE3.nii.gz[98]~SERIE3.nii.gz[99]~SERIE3.nii.gz[100]~SERIE3.nii.gz[101]~SERIE3.nii.gz[102]~SERIE3.nii.gz[103]~SERIE3.nii.gz[104]~SERIE3.nii.gz[105]~SERIE3.nii.gz[106]~SERIE3.nii.gz[107]~SERIE3.nii.gz[108]~SERIE3.nii.gz[109]~SERIE3.nii.gz[110]~SERIE3.nii.gz[111]~SERIE3.nii.gz[112]~SERIE3.nii.gz[113]~SERIE3.nii.gz[114]~SERIE3.nii.gz[115]~SERIE3.nii.gz[116]~SERIE3.nii.gz[117]~SERIE3.nii.gz[118]~SERIE3.nii.gz[119]~SERIE3.nii.gz[120]~SERIE3.nii.gz[121]~SERIE3.nii.gz[122]~SERIE3.nii.gz[123]~SERIE3.nii.gz[124]~SERIE3.nii.gz[125]~SERIE3.nii.gz[126]~SERIE3.nii.gz[127]~SERIE3.nii.gz[128]~SERIE3.nii.gz[129]~SERIE3.nii.gz[130]~

type = string-attribute
name = BRICK_KEYWORDS
count = 128
'~~~~~~~~~~~~~~~~~~~~~~~~~~~~~~~~~~~~~~~~~~~~~~~~~~~~~~~~~~~~~~~~~~~~~~~~~~~~~~~~~~~~~~~~~~~~~~~~~~~~~~~~~~~~~~~~~~~~~~~~~~~~~~~~

type = string-attribute
name = TEMPLATE_SPACE
count = 4
'MNI~

type = integer-attribute
name = INT_CMAP
count = 1
 0

type = string-attribute
name = BYTEORDER_STRING
count = 10
'LSB_FIRST~
