
type = string-attribute
name = HISTORY_NOTE
count = 6185
'[nathalia@nathalia: Sun Jun  7 18:13:04 2015] ===================================\n[nathalia@nathalia: Sun Jun  7 18:13:04 2015] === History of inputs to 3dcalc ===\n[nathalia@nathalia: Sun Jun  7 18:13:04 2015] === Input a:\n[nathalia@nathalia: Sun Jun  7 18:13:04 2015] [nathalia@marfim: Sat May 30 21:20:43 2015] ===================================\n[nathalia@marfim: Sat May 30 21:20:43 2015] === History of inputs to 3dcalc ===\n[nathalia@marfim: Sat May 30 21:20:43 2015] === Input a:\n[nathalia@marfim: Sat May 30 21:20:43 2015] [nathalia@marfim: Sat May 30 21:20:39 2015] ===================================\n[nathalia@marfim: Sat May 30 21:20:39 2015] === History of inputs to 3dcalc ===\n[nathalia@marfim: Sat May 30 21:20:39 2015] === Input a:\n[nathalia@marfim: Sat May 30 21:20:39 2015] [nathalia@marfim: Sat May 30 17:54:06 2015] 3dDespike -NEW -nomask -prefix pb01.SERIE3.r01.despike pb00.SERIE3.r01.tcat+orig\n[nathalia@marfim: Sat May 30 17:54:07 2015] 3dTshift -tzero 0 -quintic -prefix pb02.SERIE3.r01.tshift -tpattern alt+z pb01.SERIE3.r01.despike+orig\n[nathalia@marfim: Sat May 30 21:13:09 2015] 3dNwarpApply -master SERIE1_unif_ns+tlrc -dxyz 3 -source pb02.SERIE3.r01.tshift+orig -nwarp 'anat.aff.qw_WARP.nii mat.r01.warp.aff12.1D' -prefix rm.epi.nomask.r01\n[nathalia@marfim: Sat May 30 21:20:39 2015] === Input b:\n[nathalia@marfim: Sat May 30 21:20:39 2015] [nathalia@marfim: Sat May 30 17:54:06 2015] 3dDespike -NEW -nomask -prefix pb01.SERIE3.r01.despike pb00.SERIE3.r01.tcat+orig\n[nathalia@marfim: Sat May 30 17:54:07 2015] 3dTshift -tzero 0 -quintic -prefix pb02.SERIE3.r01.tshift -tpattern alt+z pb01.SERIE3.r01.despike+orig\n[nathalia@marfim: Sat May 30 21:05:10 2015] 3dcalc -a pb02.SERIE3.r01.tshift+orig -expr 1 -prefix rm.epi.all1\n[nathalia@marfim: Sat May 30 21:20:38 2015] 3dNwarpApply -master SERIE1_unif_ns+tlrc -dxyz 3 -source rm.epi.all1+orig -nwarp 'anat.aff.qw_WARP.nii mat.r01.warp.aff12.1D' -prefix rm.epi.1.r01 -ainterp NN -quiet\n[nathalia@marfim: Sat May 30 21:20:39 2015] 3dTstat -min -prefix rm.epi.min.r01 rm.epi.1.r01+tlrc\n[nathalia@marfim: Sat May 30 21:20:39 2015] 3dcopy rm.epi.min.r01+tlrc mask_epi_extents\n[nathalia@marfim: Sat May 30 21:20:39 2015] ===================================\n[nathalia@marfim: Sat May 30 21:20:39 2015] 3dcalc -a rm.epi.nomask.r01+tlrc -b mask_epi_extents+tlrc -expr 'a*b' -prefix pb03.SERIE3.r01.volreg\n[nathalia@marfim: Sat May 30 21:20:42 2015] 3dmerge -1blur_fwhm 6 -doall -prefix pb04.SERIE3.r01.blur pb03.SERIE3.r01.volreg+tlrc\n[nathalia@marfim: Sat May 30 21:20:43 2015] === Input b:\n[nathalia@marfim: Sat May 30 21:20:43 2015] [nathalia@marfim: Sat May 30 21:20:39 2015] ===================================\n[nathalia@marfim: Sat May 30 21:20:39 2015] === History of inputs to 3dcalc ===\n[nathalia@marfim: Sat May 30 21:20:39 2015] === Input a:\n[nathalia@marfim: Sat May 30 21:20:39 2015] [nathalia@marfim: Sat May 30 17:54:06 2015] 3dDespike -NEW -nomask -prefix pb01.SERIE3.r01.despike pb00.SERIE3.r01.tcat+orig\n[nathalia@marfim: Sat May 30 17:54:07 2015] 3dTshift -tzero 0 -quintic -prefix pb02.SERIE3.r01.tshift -tpattern alt+z pb01.SERIE3.r01.despike+orig\n[nathalia@marfim: Sat May 30 21:13:09 2015] 3dNwarpApply -master SERIE1_unif_ns+tlrc -dxyz 3 -source pb02.SERIE3.r01.tshift+orig -nwarp 'anat.aff.qw_WARP.nii mat.r01.warp.aff12.1D' -prefix rm.epi.nomask.r01\n[nathalia@marfim: Sat May 30 21:20:39 2015] === Input b:\n[nathalia@marfim: Sat May 30 21:20:39 2015] [nathalia@marfim: Sat May 30 17:54:06 2015] 3dDespike -NEW -nomask -prefix pb01.SERIE3.r01.despike pb00.SERIE3.r01.tcat+orig\n[nathalia@marfim: Sat May 30 17:54:07 2015] 3dTshift -tzero 0 -quintic -prefix pb02.SERIE3.r01.tshift -tpattern alt+z pb01.SERIE3.r01.despike+orig\n[nathalia@marfim: Sat May 30 21:05:10 2015] 3dcalc -a pb02.SERIE3.r01.tshift+orig -expr 1 -prefix rm.epi.all1\n[nathalia@marfim: Sat May 30 21:20:38 2015] 3dNwarpApply -master SERIE1_unif_ns+tlrc -dxyz 3 -source rm.epi.all1+orig -nwarp 'anat.aff.qw_WARP.nii mat.r01.warp.aff12.1D' -prefix rm.epi.1.r01 -ainterp NN -quiet\n[nathalia@marfim: Sat May 30 21:20:39 2015] 3dTstat -min -prefix rm.epi.min.r01 rm.epi.1.r01+tlrc\n[nathalia@marfim: Sat May 30 21:20:39 2015] 3dcopy rm.epi.min.r01+tlrc mask_epi_extents\n[nathalia@marfim: Sat May 30 21:20:39 2015] ===================================\n[nathalia@marfim: Sat May 30 21:20:39 2015] 3dcalc -a rm.epi.nomask.r01+tlrc -b mask_epi_extents+tlrc -expr 'a*b' -prefix pb03.SERIE3.r01.volreg\n[nathalia@marfim: Sat May 30 21:20:42 2015] 3dmerge -1blur_fwhm 6 -doall -prefix pb04.SERIE3.r01.blur pb03.SERIE3.r01.volreg+tlrc\n[nathalia@marfim: Sat May 30 21:20:43 2015] 3dTstat -prefix rm.mean_r01 pb04.SERIE3.r01.blur+tlrc\n[nathalia@marfim: Sat May 30 21:20:43 2015] === Input c:\n[nathalia@marfim: Sat May 30 21:20:43 2015] [nathalia@marfim: Sat May 30 17:54:06 2015] 3dDespike -NEW -nomask -prefix pb01.SERIE3.r01.despike pb00.SERIE3.r01.tcat+orig\n[nathalia@marfim: Sat May 30 17:54:07 2015] 3dTshift -tzero 0 -quintic -prefix pb02.SERIE3.r01.tshift -tpattern alt+z pb01.SERIE3.r01.despike+orig\n[nathalia@marfim: Sat May 30 21:05:10 2015] 3dcalc -a pb02.SERIE3.r01.tshift+orig -expr 1 -prefix rm.epi.all1\n[nathalia@marfim: Sat May 30 21:20:38 2015] 3dNwarpApply -master SERIE1_unif_ns+tlrc -dxyz 3 -source rm.epi.all1+orig -nwarp 'anat.aff.qw_WARP.nii mat.r01.warp.aff12.1D' -prefix rm.epi.1.r01 -ainterp NN -quiet\n[nathalia@marfim: Sat May 30 21:20:39 2015] 3dTstat -min -prefix rm.epi.min.r01 rm.epi.1.r01+tlrc\n[nathalia@marfim: Sat May 30 21:20:39 2015] 3dcopy rm.epi.min.r01+tlrc mask_epi_extents\n[nathalia@marfim: Sat May 30 21:20:43 2015] ===================================\n[nathalia@marfim: Sat May 30 21:20:43 2015] 3dcalc -a pb04.SERIE3.r01.blur+tlrc -b rm.mean_r01+tlrc -c mask_epi_extents+tlrc -expr 'c * min(200, a/b*100)*step(a)*step(b)' -prefix pb05.SERIE3.r01.scale\n[nathalia@nathalia: Sun Jun  7 18:13:04 2015] === Input b:\n[nathalia@nathalia: Sun Jun  7 18:13:04 2015] ===================================\n[nathalia@nathalia: Sun Jun  7 18:13:04 2015] 3dcalc -fscale -a pb05.SERIE3.r01.scale.nii -b SERIE3_IMFS4+tlrc.nii -expr '(a-b)' -prefix stats.orig_minus_4~

type = string-attribute
name = TYPESTRING
count = 15
'3DIM_HEAD_ANAT~

type = string-attribute
name = IDCODE_STRING
count = 27
'XYZ_FfGE-dnT82KNxvbb3-IH5A~

type = string-attribute
name = IDCODE_DATE
count = 25
'Sun Jun  7 18:13:04 2015~

type = integer-attribute
name = SCENE_DATA
count = 8
 2 2 0 -999 -999
 -999 -999 -999

type = string-attribute
name = LABEL_1
count = 5
'zyxt~

type = string-attribute
name = LABEL_2
count = 5
'zyxt~

type = string-attribute
name = DATASET_NAME
count = 5
'zyxt~

type = integer-attribute
name = ORIENT_SPECIFIC
count = 3
 1 2 4

type  = float-attribute
name  = ORIGIN
count = 3
           73.5          110.5          -66.5

type  = float-attribute
name  = DELTA
count = 3
             -3             -3              3

type  = float-attribute
name  = IJK_TO_DICOM
count = 12
             -3              0              0           73.5              0
             -3              0          110.5              0              0
              3          -66.5

type  = float-attribute
name  = IJK_TO_DICOM_REAL
count = 12
             -3              0              0           73.5              0
             -3              0          110.5              0              0
              3          -66.5

type  = float-attribute
name  = BRICK_STATS
count = 256
              0       143.2972      -1.264366       137.8015      -1.532089
       133.4747      -2.690575       142.1172      -1.027046       139.4955
      -1.278061       142.1909      -1.120834        145.912      -1.579895
       149.8085      -2.928497       148.8934      -3.430725       145.3042
      -1.159569       142.5379      -2.610962       143.5357      -1.416382
       142.9851      -1.484062       141.9096      -3.376602       137.4008
      -1.553574       140.9479      -2.165939       132.7029      -2.193642
       130.6184     -0.8675766       129.5608      -1.159348       138.9991
      -3.113747       137.1894      -1.256233       129.9086     -0.9445419
       133.3414      -1.119064       131.6572      -1.764763       132.5502
      -1.551132         139.47       -1.31031       135.5727      -1.330162
       134.0423      -1.144592       131.1423      -2.652817       140.6271
      -1.793808       135.3373     -0.9828568       131.3156     -0.7393341
       132.4936      -1.412514       146.2225      -1.199455       152.5104
      -1.990364       122.3973     -0.6191406       126.1031     -0.7155304
       124.5002     -0.9487762       130.0143      -1.067162       121.3576
       -3.79995       127.3631     -0.9599686       120.3699      -1.512688
       125.4098      -1.644524       122.3617      -1.813461       123.0668
      -1.952652       121.2589      -1.721321       120.1637      -1.417557
       127.0355      -1.389931       120.4264      -3.782753       123.7545
     -0.9498825        126.091      -1.213661       122.8464      -2.243668
       118.0716      -1.096527       120.0791      -1.372429       121.7494
      -1.377739       139.6063      -2.827164       118.1808      -1.575653
       116.6101     -0.5702286       135.0352     -0.9810562        119.745
       -1.09346       120.0442       -1.89521       121.5165      -1.998856
       122.1254      -1.812637       121.1104      -2.786827       145.8769
      -2.344673       123.7181      -1.974495       125.0981      -1.193321
       124.8781      -2.634636       121.7174      -3.129631       122.4602
      -1.257874       124.7342      -1.039543        123.918      -1.160271
       161.6532     -0.6639633       139.9014     -0.9601669       125.1359
      -1.163269       126.0202      -1.781815       156.6728      -1.563782
       164.9842      -1.007515       141.5264     -0.4790497       171.3727
       -1.17923       130.9002      -1.448158       127.5432      -3.360596
       152.4953      -2.720848       155.0564      -3.574661       174.6661
      -0.976799       130.3728      -1.622414        165.167      -3.296005
       127.1139      -2.276329       130.5156     -0.7299805       159.0854
      -2.105682       126.8648     -0.8941116       125.9019       -1.77626
       130.7614      -1.235191       130.3818      -1.086937       133.8823
       -1.41272       132.9634     -0.9894791       140.6706      -1.031403
       134.5488     -0.8987656       134.3219       -2.90448       143.8895
      -3.717606       159.9361      -1.942162       158.6724      -3.074516
       132.5036      -2.012169       132.5567      -5.287521       168.1221
      -6.377327        171.806      -7.368385       132.5296      -1.359245
       137.1358      -4.291077       129.4612      -3.881821        135.324
      -2.578468       129.0562      -4.929344       127.5452      -4.471031
       135.8692      -6.173203       137.6817      -1.962776       137.9664
     -0.9789734       139.1652     -0.9452057       141.0702      -2.079346
       142.4196      -2.687393       144.6861      -2.212364       143.6206
      -1.306862       143.2766      -2.137039       153.0313      -0.902298
        143.445      -1.630043       153.6923      -2.414391       146.1041
     -0.7636261       166.0415     -0.7432938       143.7894              0
       140.1192

type = integer-attribute
name = TAXIS_NUMS
count = 8
 128 0 77002 -999 -999
 -999 -999 -999

type  = float-attribute
name  = TAXIS_FLOATS
count = 8
              0              2              0              0              0
        -999999        -999999        -999999

type = integer-attribute
name = DATASET_RANK
count = 8
 3 128 0 0 0
 0 0 0

type = integer-attribute
name = DATASET_DIMENSIONS
count = 5
 50 63 51 0 0

type = integer-attribute
name = BRICK_TYPES
count = 128
 3 3 3 3 3
 3 3 3 3 3
 3 3 3 3 3
 3 3 3 3 3
 3 3 3 3 3
 3 3 3 3 3
 3 3 3 3 3
 3 3 3 3 3
 3 3 3 3 3
 3 3 3 3 3
 3 3 3 3 3
 3 3 3 3 3
 3 3 3 3 3
 3 3 3 3 3
 3 3 3 3 3
 3 3 3 3 3
 3 3 3 3 3
 3 3 3 3 3
 3 3 3 3 3
 3 3 3 3 3
 3 3 3 3 3
 3 3 3 3 3
 3 3 3 3 3
 3 3 3 3 3
 3 3 3 3 3
 3 3 3

type  = float-attribute
name  = BRICK_FLOAT_FACS
count = 128
              0              0              0              0              0
              0              0              0              0              0
              0              0              0              0              0
              0              0              0              0              0
              0              0              0              0              0
              0              0              0              0              0
              0              0              0              0              0
              0              0              0              0              0
              0              0              0              0              0
              0              0              0              0              0
              0              0              0              0              0
              0              0              0              0              0
              0              0              0              0              0
              0              0              0              0              0
              0              0              0              0              0
              0              0              0              0              0
              0              0              0              0              0
              0              0              0              0              0
              0              0              0              0              0
              0              0              0              0              0
              0              0              0              0              0
              0              0              0              0              0
              0              0              0              0              0
              0              0              0              0              0
              0              0              0              0              0
              0              0              0

type = string-attribute
name = BRICK_LABS
count = 2328
'SERIE3.nii.gz[3]~SERIE3.nii.gz[4]~SERIE3.nii.gz[5]~SERIE3.nii.gz[6]~SERIE3.nii.gz[7]~SERIE3.nii.gz[8]~SERIE3.nii.gz[9]~SERIE3.nii.gz[10]~SERIE3.nii.gz[11]~SERIE3.nii.gz[12]~SERIE3.nii.gz[13]~SERIE3.nii.gz[14]~SERIE3.nii.gz[15]~SERIE3.nii.gz[16]~SERIE3.nii.gz[17]~SERIE3.nii.gz[18]~SERIE3.nii.gz[19]~SERIE3.nii.gz[20]~SERIE3.nii.gz[21]~SERIE3.nii.gz[22]~SERIE3.nii.gz[23]~SERIE3.nii.gz[24]~SERIE3.nii.gz[25]~SERIE3.nii.gz[26]~SERIE3.nii.gz[27]~SERIE3.nii.gz[28]~SERIE3.nii.gz[29]~SERIE3.nii.gz[30]~SERIE3.nii.gz[31]~SERIE3.nii.gz[32]~SERIE3.nii.gz[33]~SERIE3.nii.gz[34]~SERIE3.nii.gz[35]~SERIE3.nii.gz[36]~SERIE3.nii.gz[37]~SERIE3.nii.gz[38]~SERIE3.nii.gz[39]~SERIE3.nii.gz[40]~SERIE3.nii.gz[41]~SERIE3.nii.gz[42]~SERIE3.nii.gz[43]~SERIE3.nii.gz[44]~SERIE3.nii.gz[45]~SERIE3.nii.gz[46]~SERIE3.nii.gz[47]~SERIE3.nii.gz[48]~SERIE3.nii.gz[49]~SERIE3.nii.gz[50]~SERIE3.nii.gz[51]~SERIE3.nii.gz[52]~SERIE3.nii.gz[53]~SERIE3.nii.gz[54]~SERIE3.nii.gz[55]~SERIE3.nii.gz[56]~SERIE3.nii.gz[57]~SERIE3.nii.gz[58]~SERIE3.nii.gz[59]~SERIE3.nii.gz[60]~SERIE3.nii.gz[61]~SERIE3.nii.gz[62]~SERIE3.nii.gz[63]~SERIE3.nii.gz[64]~SERIE3.nii.gz[65]~SERIE3.nii.gz[66]~SERIE3.nii.gz[67]~SERIE3.nii.gz[68]~SERIE3.nii.gz[69]~SERIE3.nii.gz[70]~SERIE3.nii.gz[71]~SERIE3.nii.gz[72]~SERIE3.nii.gz[73]~SERIE3.nii.gz[74]~SERIE3.nii.gz[75]~SERIE3.nii.gz[76]~SERIE3.nii.gz[77]~SERIE3.nii.gz[78]~SERIE3.nii.gz[79]~SERIE3.nii.gz[80]~SERIE3.nii.gz[81]~SERIE3.nii.gz[82]~SERIE3.nii.gz[83]~SERIE3.nii.gz[84]~SERIE3.nii.gz[85]~SERIE3.nii.gz[86]~SERIE3.nii.gz[87]~SERIE3.nii.gz[88]~SERIE3.nii.gz[89]~SERIE3.nii.gz[90]~SERIE3.nii.gz[91]~SERIE3.nii.gz[92]~SERIE3.nii.gz[93]~SERIE3.nii.gz[94]~SERIE3.nii.gz[95]~SERIE3.nii.gz[96]~SERIE3.nii.gz[97]~SERIE3.nii.gz[98]~SERIE3.nii.gz[99]~SERIE3.nii.gz[100]~SERIE3.nii.gz[101]~SERIE3.nii.gz[102]~SERIE3.nii.gz[103]~SERIE3.nii.gz[104]~SERIE3.nii.gz[105]~SERIE3.nii.gz[106]~SERIE3.nii.gz[107]~SERIE3.nii.gz[108]~SERIE3.nii.gz[109]~SERIE3.nii.gz[110]~SERIE3.nii.gz[111]~SERIE3.nii.gz[112]~SERIE3.nii.gz[113]~SERIE3.nii.gz[114]~SERIE3.nii.gz[115]~SERIE3.nii.gz[116]~SERIE3.nii.gz[117]~SERIE3.nii.gz[118]~SERIE3.nii.gz[119]~SERIE3.nii.gz[120]~SERIE3.nii.gz[121]~SERIE3.nii.gz[122]~SERIE3.nii.gz[123]~SERIE3.nii.gz[124]~SERIE3.nii.gz[125]~SERIE3.nii.gz[126]~SERIE3.nii.gz[127]~SERIE3.nii.gz[128]~SERIE3.nii.gz[129]~SERIE3.nii.gz[130]~

type = string-attribute
name = BRICK_KEYWORDS
count = 128
'~~~~~~~~~~~~~~~~~~~~~~~~~~~~~~~~~~~~~~~~~~~~~~~~~~~~~~~~~~~~~~~~~~~~~~~~~~~~~~~~~~~~~~~~~~~~~~~~~~~~~~~~~~~~~~~~~~~~~~~~~~~~~~~~

type = string-attribute
name = TEMPLATE_SPACE
count = 4
'MNI~

type = integer-attribute
name = INT_CMAP
count = 1
 0

type = string-attribute
name = BYTEORDER_STRING
count = 10
'LSB_FIRST~
