
type = string-attribute
name = HISTORY_NOTE
count = 518
'[nathalia@nathalia: Tue Jun  2 19:01:18 2015] ===================================\n[nathalia@nathalia: Tue Jun  2 19:01:18 2015] === History of inputs to 3dcalc ===\n[nathalia@nathalia: Tue Jun  2 19:01:18 2015] === Input a:\n[nathalia@nathalia: Tue Jun  2 19:01:18 2015] === Input b:\n[nathalia@nathalia: Tue Jun  2 19:01:18 2015] ===================================\n[nathalia@nathalia: Tue Jun  2 19:01:18 2015] 3dcalc -fscale -a SERIE3_IMFS7+tlrc.nii -b SERIE3_IMFS8+tlrc.nii -expr '(a-b)' -prefix stats.7_minus_8~

type = string-attribute
name = TYPESTRING
count = 15
'3DIM_HEAD_ANAT~

type = string-attribute
name = IDCODE_STRING
count = 27
'XYZ_U4kqggJuse0dEANLaHVjhg~

type = string-attribute
name = IDCODE_DATE
count = 25
'Tue Jun  2 19:01:18 2015~

type = integer-attribute
name = SCENE_DATA
count = 8
 0 2 0 -999 -999
 -999 -999 -999

type = string-attribute
name = LABEL_1
count = 5
'zyxt~

type = string-attribute
name = LABEL_2
count = 5
'zyxt~

type = string-attribute
name = DATASET_NAME
count = 5
'zyxt~

type = integer-attribute
name = ORIENT_SPECIFIC
count = 3
 1 2 4

type  = float-attribute
name  = ORIGIN
count = 3
           73.5          110.5          -66.5

type  = float-attribute
name  = DELTA
count = 3
             -3             -3              3

type  = float-attribute
name  = IJK_TO_DICOM
count = 12
             -3              0              0           73.5              0
             -3              0          110.5              0              0
              3          -66.5

type  = float-attribute
name  = IJK_TO_DICOM_REAL
count = 12
             -3              0              0           73.5              0
             -3              0          110.5              0              0
              3          -66.5

type  = float-attribute
name  = BRICK_STATS
count = 256
      -119.5271       127.5356      -118.9308       127.2305      -118.3299
       126.9161      -117.7248       126.5927      -117.1162       126.2604
      -116.5045       125.9194      -115.8903         125.57      -115.2742
       125.2124      -114.6566       124.8468      -114.0381       124.4734
      -113.4194       124.0925      -112.8008       123.7041       -112.183
       123.3086      -111.5665       122.9061      -110.9519       122.4969
      -110.3396       122.0812      -109.7303       121.6591      -109.1244
        121.231      -108.5226        120.797      -107.9253       120.3572
      -107.3332       119.9121      -106.7466       119.4616      -106.1663
       119.0061      -105.5927       118.5458      -105.0264       118.0808
      -104.4679       117.6115      -103.9178       117.1379      -103.6398
       116.6604      -103.7752        116.179      -104.1149       115.6941
      -104.4556       115.2059      -104.7964       114.7145      -105.1365
       114.2202      -105.4753       113.7231      -105.8119       113.2235
      -106.1455       112.7217      -106.4754       112.2178      -106.8009
       111.7119      -107.1211       111.2045      -107.4353       110.6955
      -107.7428       110.1854      -108.0428       109.6742      -108.3345
       109.1621      -108.8403       108.6495      -109.6466       108.1365
      -110.4459       107.6233      -111.2362       107.1101      -112.0158
       106.5972      -112.7826       106.0847      -113.5347       105.5729
      -114.2701       105.1862      -114.9869       105.1689      -115.6831
       105.1451      -116.3568       105.1149       -117.006       105.0785
      -117.6288       105.0384      -118.2233       105.2175      -118.7874
       105.3911      -119.3193       105.5593       -119.817       105.7221
      -120.2785       105.8797      -120.7019       106.0319      -121.0853
       106.1789      -121.4267       106.3208      -121.7241       106.4575
      -121.9756       106.5891      -122.1793       106.7157      -122.3332
       106.8373      -122.4353       107.1359      -122.4838       107.5589
       -122.477       107.9727      -122.4154       108.4502      -122.3007
       109.0847      -122.1351       109.7097      -121.9208        110.325
      -121.6597       110.9301       -121.354       111.5248      -121.0059
       112.1086      -120.6174       112.6813      -120.1907       113.2425
      -119.7279       113.7918       -119.231       114.3289      -118.7022
       114.8535      -118.1437       115.3652      -117.5575       115.8637
      -116.9457       116.3487      -116.3105       116.8197      -115.6539
       117.2765      -114.9781       117.7186      -114.2852       118.1458
      -113.5773       118.5578      -112.8565       118.9541       -112.125
       119.3345      -111.3848       119.6985      -110.6381       120.0459
      -109.8869       120.3763      -109.1334       120.6893      -108.3797
       120.9846       -107.628       121.2619      -106.8802       121.5209
      -107.2907       121.7611      -107.7024       121.9822      -108.0913
        122.184      -108.7323        122.366      -109.4077       122.5279
      -110.0432       122.6694      -110.6366       122.7901       -111.186
       122.8896      -111.6893       122.9677      -112.1443        123.024
       -112.549       123.0582      -112.9015       123.0698      -113.1995
       123.0586      -113.4411       123.0242      -113.6241       122.9663
      -113.7466       122.8845      -113.8064       122.7785      -113.8016
        122.648      -113.8842       122.4925      -114.1326       122.3118
      -114.3746       122.1055      -114.8853       121.8733      -115.3952
       121.6148       -115.904       121.3296      -116.4111       121.0175
      -116.9162       120.6781      -117.4189       120.3111      -117.9188
       119.9161

type = integer-attribute
name = TAXIS_NUMS
count = 8
 128 0 77002 -999 -999
 -999 -999 -999

type  = float-attribute
name  = TAXIS_FLOATS
count = 8
              0              2              0              0              0
        -999999        -999999        -999999

type = integer-attribute
name = DATASET_RANK
count = 8
 3 128 0 0 0
 0 0 0

type = integer-attribute
name = DATASET_DIMENSIONS
count = 5
 50 63 51 0 0

type = integer-attribute
name = BRICK_TYPES
count = 128
 3 3 3 3 3
 3 3 3 3 3
 3 3 3 3 3
 3 3 3 3 3
 3 3 3 3 3
 3 3 3 3 3
 3 3 3 3 3
 3 3 3 3 3
 3 3 3 3 3
 3 3 3 3 3
 3 3 3 3 3
 3 3 3 3 3
 3 3 3 3 3
 3 3 3 3 3
 3 3 3 3 3
 3 3 3 3 3
 3 3 3 3 3
 3 3 3 3 3
 3 3 3 3 3
 3 3 3 3 3
 3 3 3 3 3
 3 3 3 3 3
 3 3 3 3 3
 3 3 3 3 3
 3 3 3 3 3
 3 3 3

type  = float-attribute
name  = BRICK_FLOAT_FACS
count = 128
              0              0              0              0              0
              0              0              0              0              0
              0              0              0              0              0
              0              0              0              0              0
              0              0              0              0              0
              0              0              0              0              0
              0              0              0              0              0
              0              0              0              0              0
              0              0              0              0              0
              0              0              0              0              0
              0              0              0              0              0
              0              0              0              0              0
              0              0              0              0              0
              0              0              0              0              0
              0              0              0              0              0
              0              0              0              0              0
              0              0              0              0              0
              0              0              0              0              0
              0              0              0              0              0
              0              0              0              0              0
              0              0              0              0              0
              0              0              0              0              0
              0              0              0              0              0
              0              0              0              0              0
              0              0              0              0              0
              0              0              0

type = string-attribute
name = TEMPLATE_SPACE
count = 5
'ORIG~

type = integer-attribute
name = INT_CMAP
count = 1
 0

type = string-attribute
name = BYTEORDER_STRING
count = 10
'LSB_FIRST~
