
type = string-attribute
name = HISTORY_NOTE
count = 518
'[nathalia@nathalia: Tue Jun  2 19:00:30 2015] ===================================\n[nathalia@nathalia: Tue Jun  2 19:00:30 2015] === History of inputs to 3dcalc ===\n[nathalia@nathalia: Tue Jun  2 19:00:30 2015] === Input a:\n[nathalia@nathalia: Tue Jun  2 19:00:30 2015] === Input b:\n[nathalia@nathalia: Tue Jun  2 19:00:30 2015] ===================================\n[nathalia@nathalia: Tue Jun  2 19:00:30 2015] 3dcalc -fscale -a SERIE3_IMFS3+tlrc.nii -b SERIE3_IMFS4+tlrc.nii -expr '(a-b)' -prefix stats.3_minus_4~

type = string-attribute
name = TYPESTRING
count = 15
'3DIM_HEAD_ANAT~

type = string-attribute
name = IDCODE_STRING
count = 27
'XYZ_thfmamjUxvA4oNRsLTXpcA~

type = string-attribute
name = IDCODE_DATE
count = 25
'Tue Jun  2 19:00:30 2015~

type = integer-attribute
name = SCENE_DATA
count = 8
 0 2 0 -999 -999
 -999 -999 -999

type = string-attribute
name = LABEL_1
count = 5
'zyxt~

type = string-attribute
name = LABEL_2
count = 5
'zyxt~

type = string-attribute
name = DATASET_NAME
count = 5
'zyxt~

type = integer-attribute
name = ORIENT_SPECIFIC
count = 3
 1 2 4

type  = float-attribute
name  = ORIGIN
count = 3
           73.5          110.5          -66.5

type  = float-attribute
name  = DELTA
count = 3
             -3             -3              3

type  = float-attribute
name  = IJK_TO_DICOM
count = 12
             -3              0              0           73.5              0
             -3              0          110.5              0              0
              3          -66.5

type  = float-attribute
name  = IJK_TO_DICOM_REAL
count = 12
             -3              0              0           73.5              0
             -3              0          110.5              0              0
              3          -66.5

type  = float-attribute
name  = BRICK_STATS
count = 256
      -99.48788              0      -99.44814       2.208784      -99.49954
       4.020101      -99.54504       5.464164       -99.5844       8.756457
      -99.61726       12.18354       -99.6434        14.7745      -99.66251
       15.98369      -99.67427       15.74584      -99.67845       14.11563
      -99.67473       12.43282      -99.66283       13.70026      -99.64246
       14.56981      -99.66039       15.03537      -99.75518       15.09083
      -99.88235        14.7345      -99.98806       13.98251       -100.031
       13.96102      -100.0203       13.33253      -99.95738       13.80287
       -99.8261       13.63442      -99.62916       12.91913      -99.58138
       12.54529      -99.55283       11.06296      -99.61068        11.7679
      -99.65361       12.47573      -99.67491       12.84072      -99.67752
       14.80495      -99.69494       16.31161      -99.82688       16.31424
      -99.94772       16.95941      -100.0287       17.57691      -100.0386
        18.0999      -100.0799       18.54252      -100.0833       18.76102
      -100.0549       18.58119       -100.156       18.85839       -100.271
       19.05936      -100.3804       19.80577      -100.4617       21.53366
       -100.496       23.66015      -100.4797       25.51895      -100.4147
        27.1021      -100.3119       28.39363       -100.223       29.36989
      -100.2401       30.01384      -100.4015       30.32142      -100.6049
       30.28988      -100.7189       29.92179      -100.7201       29.22723
      -101.5281       28.22392      -102.4834       26.93932      -103.3087
       25.40603      -103.9578        23.6565      -104.3784       21.71494
      -104.5371       19.60963      -104.4738       17.75956      -104.2424
       18.70827      -103.8959       19.16087      -103.5075       18.77297
      -103.2304       17.73449      -103.2328       18.54538      -103.6118
        19.2687       -104.263       19.90059      -105.0366       20.42748
      -105.7916       20.79701      -106.3659       20.94667      -106.5916
       20.83642      -106.3651       20.52369      -105.8343       20.09042
      -105.2101       19.61317      -104.6839         19.147      -104.3737
        18.7416      -104.3682       18.43861      -104.6514       18.24896
      -105.0742       18.18106      -105.4991       18.24477      -105.9408
       18.44991      -106.4517       18.80621      -107.0824       19.31113
      -107.8829       19.91328      -108.8607       20.54182      -109.8537
        21.0965      -110.6571       21.50772      -111.1024       21.85745
      -111.1689        22.2405      -110.8953       22.64745      -110.3808
        23.0315       -109.735       23.35243      -109.0394       23.54229
      -108.3343       23.52503      -107.6711       23.22464      -107.1831
       23.10186      -107.0046       24.15248      -107.1904       24.10999
       -107.769         23.134      -108.7374       23.02852      -109.9822
       23.76528      -111.3595       24.16968      -112.7245       24.20362
      -113.9458       23.79891      -114.9526       25.57854      -115.7179
       28.04054       -116.238       29.91863      -116.5708        31.1405
        -116.79       31.68151      -116.9581       31.56609      -117.0933
       30.84419       -117.203       29.56974      -117.2927       27.79668
       -117.361       25.57577       -117.405        27.0803      -117.4216
       29.91301       -117.402       31.17636      -117.3154       30.57893
      -117.1285       28.00323      -116.8091       23.62553       -116.325
       17.72494      -115.6579        10.7256      -114.8453       7.372012
      -113.9388       9.168139      -112.9896       8.730633      -112.0493
       10.51629      -111.1693       10.28473       -110.401       7.699812
      -109.7959       4.179076       -109.836       2.624723      -109.9905
   4.593283e-06

type = integer-attribute
name = TAXIS_NUMS
count = 8
 128 0 77002 -999 -999
 -999 -999 -999

type  = float-attribute
name  = TAXIS_FLOATS
count = 8
              0              2              0              0              0
        -999999        -999999        -999999

type = integer-attribute
name = DATASET_RANK
count = 8
 3 128 0 0 0
 0 0 0

type = integer-attribute
name = DATASET_DIMENSIONS
count = 5
 50 63 51 0 0

type = integer-attribute
name = BRICK_TYPES
count = 128
 3 3 3 3 3
 3 3 3 3 3
 3 3 3 3 3
 3 3 3 3 3
 3 3 3 3 3
 3 3 3 3 3
 3 3 3 3 3
 3 3 3 3 3
 3 3 3 3 3
 3 3 3 3 3
 3 3 3 3 3
 3 3 3 3 3
 3 3 3 3 3
 3 3 3 3 3
 3 3 3 3 3
 3 3 3 3 3
 3 3 3 3 3
 3 3 3 3 3
 3 3 3 3 3
 3 3 3 3 3
 3 3 3 3 3
 3 3 3 3 3
 3 3 3 3 3
 3 3 3 3 3
 3 3 3 3 3
 3 3 3

type  = float-attribute
name  = BRICK_FLOAT_FACS
count = 128
              0              0              0              0              0
              0              0              0              0              0
              0              0              0              0              0
              0              0              0              0              0
              0              0              0              0              0
              0              0              0              0              0
              0              0              0              0              0
              0              0              0              0              0
              0              0              0              0              0
              0              0              0              0              0
              0              0              0              0              0
              0              0              0              0              0
              0              0              0              0              0
              0              0              0              0              0
              0              0              0              0              0
              0              0              0              0              0
              0              0              0              0              0
              0              0              0              0              0
              0              0              0              0              0
              0              0              0              0              0
              0              0              0              0              0
              0              0              0              0              0
              0              0              0              0              0
              0              0              0              0              0
              0              0              0              0              0
              0              0              0

type = string-attribute
name = TEMPLATE_SPACE
count = 5
'ORIG~

type = integer-attribute
name = INT_CMAP
count = 1
 0

type = string-attribute
name = BYTEORDER_STRING
count = 10
'LSB_FIRST~
