
type = string-attribute
name = HISTORY_NOTE
count = 518
'[nathalia@nathalia: Tue Jun  2 19:00:42 2015] ===================================\n[nathalia@nathalia: Tue Jun  2 19:00:42 2015] === History of inputs to 3dcalc ===\n[nathalia@nathalia: Tue Jun  2 19:00:42 2015] === Input a:\n[nathalia@nathalia: Tue Jun  2 19:00:42 2015] === Input b:\n[nathalia@nathalia: Tue Jun  2 19:00:42 2015] ===================================\n[nathalia@nathalia: Tue Jun  2 19:00:42 2015] 3dcalc -fscale -a SERIE3_IMFS4+tlrc.nii -b SERIE3_IMFS5+tlrc.nii -expr '(a-b)' -prefix stats.4_minus_5~

type = string-attribute
name = TYPESTRING
count = 15
'3DIM_HEAD_ANAT~

type = string-attribute
name = IDCODE_STRING
count = 27
'XYZ_xp4OOoq1i3_a-dXXyqpo3A~

type = string-attribute
name = IDCODE_DATE
count = 25
'Tue Jun  2 19:00:42 2015~

type = integer-attribute
name = SCENE_DATA
count = 8
 0 2 0 -999 -999
 -999 -999 -999

type = string-attribute
name = LABEL_1
count = 5
'zyxt~

type = string-attribute
name = LABEL_2
count = 5
'zyxt~

type = string-attribute
name = DATASET_NAME
count = 5
'zyxt~

type = integer-attribute
name = ORIENT_SPECIFIC
count = 3
 1 2 4

type  = float-attribute
name  = ORIGIN
count = 3
           73.5          110.5          -66.5

type  = float-attribute
name  = DELTA
count = 3
             -3             -3              3

type  = float-attribute
name  = IJK_TO_DICOM
count = 12
             -3              0              0           73.5              0
             -3              0          110.5              0              0
              3          -66.5

type  = float-attribute
name  = IJK_TO_DICOM_REAL
count = 12
             -3              0              0           73.5              0
             -3              0          110.5              0              0
              3          -66.5

type  = float-attribute
name  = BRICK_STATS
count = 256
      -130.9245       99.48788      -132.0753       99.42899      -132.7034
        99.4038       -132.864       99.39055      -132.6124       99.40939
      -132.0038       99.42731      -131.0935       99.44433      -129.9367
       99.46049      -128.5885       99.47586      -127.1044       99.49047
      -125.5396       99.50438      -123.9492       99.51761      -122.3886
       99.53023      -120.9129       99.54229      -119.5774       99.55381
      -118.4375       99.56486      -117.5482       99.57548      -116.9648
       99.58571      -116.7427        99.5956      -116.9218       99.60517
      -117.4758       99.61448      -118.3436       99.62355      -119.4591
       99.63243      -120.7561       99.64115      -122.1685       99.64976
      -123.6301       99.66171      -125.0751       99.67309       -126.438
        99.6836      -127.6578       99.69326      -128.6971       99.70211
      -129.5589       99.71321      -130.2546       99.74799      -130.7962
         99.781      -131.1954       99.81205      -131.4637         99.841
      -131.6131        99.8677      -131.6552       99.89199      -131.6016
       99.91373      -131.4643       99.93279      -131.2548       99.94919
      -130.9849       99.96311      -130.6672       99.97481       -130.316
       99.98449      -129.9379       99.99242      -129.5375       99.99879
      -129.1195       100.0039      -128.6886       100.0079        -128.25
       100.0111      -127.8069       100.0546      -127.3454       100.6542
      -126.8473       101.2709      -126.2942       101.8359      -125.6677
       102.3458      -124.9496       102.7972      -124.1268       103.1865
      -123.2064       103.5123      -122.1989       103.7807      -121.1143
       103.9997      -119.9624       104.1773      -118.7531       104.3215
      -117.4971       104.4403      -116.2071       104.5415      -114.8969
       104.6316      -113.5798       104.7161      -112.2695       104.8001
      -111.0612       104.8887      -112.6093        104.987      -113.7125
       105.1005      -114.3167       105.2336      -114.5017       105.3856
      -114.3819       105.5541      -114.0724       105.7369      -113.6834
       105.9316      -113.3171       106.1359      -113.0993       106.3478
      -113.1077       106.5657      -113.3417       106.7893       -113.784
       107.0184      -114.4151       107.2523      -115.2035       107.4886
      -116.0923       107.7243      -117.0192       107.9565      -117.9216
       108.1823      -118.7389       108.3987      -119.4267       108.6029
      -119.9818       108.7929      -120.4112       108.9713      -120.7251
       109.1418      -120.9408       109.3078      -121.0775       109.4732
      -121.1544       109.6414      -121.1906       109.8161      -121.2051
       110.0008      -121.2172       110.1994      -121.2459       110.4144
      -121.3104       110.6455      -121.4274         110.89      -121.6015
       111.1451      -121.8272       111.4077      -122.0966       111.6751
      -122.4019       111.9443      -122.7343       112.2124      -123.0848
       112.4765      -123.4443       112.7337      -123.8017       112.9811
      -124.1374       113.2158      -124.4297       113.4348      -124.6567
       113.6354      -124.7968       113.8145      -124.8347       113.9692
      -124.7817       114.0967      -124.6555       114.1941      -124.4741
       114.2584       -124.255       114.2867      -124.0144       114.2762
      -123.7605        114.224      -123.4998        114.127      -123.2387
       113.9825      -122.9836       113.7874      -122.7411        113.539
      -122.5175       113.2343      -122.3193       112.8704       -122.153
       112.4444       -122.025       111.9533      -121.9418       111.3944
      -121.9097       110.7646      -121.9353       110.0611      -122.0251
       109.9905

type = integer-attribute
name = TAXIS_NUMS
count = 8
 128 0 77002 -999 -999
 -999 -999 -999

type  = float-attribute
name  = TAXIS_FLOATS
count = 8
              0              2              0              0              0
        -999999        -999999        -999999

type = integer-attribute
name = DATASET_RANK
count = 8
 3 128 0 0 0
 0 0 0

type = integer-attribute
name = DATASET_DIMENSIONS
count = 5
 50 63 51 0 0

type = integer-attribute
name = BRICK_TYPES
count = 128
 3 3 3 3 3
 3 3 3 3 3
 3 3 3 3 3
 3 3 3 3 3
 3 3 3 3 3
 3 3 3 3 3
 3 3 3 3 3
 3 3 3 3 3
 3 3 3 3 3
 3 3 3 3 3
 3 3 3 3 3
 3 3 3 3 3
 3 3 3 3 3
 3 3 3 3 3
 3 3 3 3 3
 3 3 3 3 3
 3 3 3 3 3
 3 3 3 3 3
 3 3 3 3 3
 3 3 3 3 3
 3 3 3 3 3
 3 3 3 3 3
 3 3 3 3 3
 3 3 3 3 3
 3 3 3 3 3
 3 3 3

type  = float-attribute
name  = BRICK_FLOAT_FACS
count = 128
              0              0              0              0              0
              0              0              0              0              0
              0              0              0              0              0
              0              0              0              0              0
              0              0              0              0              0
              0              0              0              0              0
              0              0              0              0              0
              0              0              0              0              0
              0              0              0              0              0
              0              0              0              0              0
              0              0              0              0              0
              0              0              0              0              0
              0              0              0              0              0
              0              0              0              0              0
              0              0              0              0              0
              0              0              0              0              0
              0              0              0              0              0
              0              0              0              0              0
              0              0              0              0              0
              0              0              0              0              0
              0              0              0              0              0
              0              0              0              0              0
              0              0              0              0              0
              0              0              0              0              0
              0              0              0              0              0
              0              0              0

type = string-attribute
name = TEMPLATE_SPACE
count = 5
'ORIG~

type = integer-attribute
name = INT_CMAP
count = 1
 0

type = string-attribute
name = BYTEORDER_STRING
count = 10
'LSB_FIRST~
