
type = string-attribute
name = HISTORY_NOTE
count = 6280
'[nathalia@nathalia: Sun Jun  7 18:42:23 2015] ===================================\n[nathalia@nathalia: Sun Jun  7 18:42:23 2015] === History of inputs to 3dcalc ===\n[nathalia@nathalia: Sun Jun  7 18:42:23 2015] === Input a:\n[nathalia@nathalia: Sun Jun  7 18:42:23 2015] [nathalia@marfim: Sat May 30 21:20:43 2015] ===================================\n[nathalia@marfim: Sat May 30 21:20:43 2015] === History of inputs to 3dcalc ===\n[nathalia@marfim: Sat May 30 21:20:43 2015] === Input a:\n[nathalia@marfim: Sat May 30 21:20:43 2015] [nathalia@marfim: Sat May 30 21:20:39 2015] ===================================\n[nathalia@marfim: Sat May 30 21:20:39 2015] === History of inputs to 3dcalc ===\n[nathalia@marfim: Sat May 30 21:20:39 2015] === Input a:\n[nathalia@marfim: Sat May 30 21:20:39 2015] [nathalia@marfim: Sat May 30 17:54:06 2015] 3dDespike -NEW -nomask -prefix pb01.SERIE3.r01.despike pb00.SERIE3.r01.tcat+orig\n[nathalia@marfim: Sat May 30 17:54:07 2015] 3dTshift -tzero 0 -quintic -prefix pb02.SERIE3.r01.tshift -tpattern alt+z pb01.SERIE3.r01.despike+orig\n[nathalia@marfim: Sat May 30 21:13:09 2015] 3dNwarpApply -master SERIE1_unif_ns+tlrc -dxyz 3 -source pb02.SERIE3.r01.tshift+orig -nwarp 'anat.aff.qw_WARP.nii mat.r01.warp.aff12.1D' -prefix rm.epi.nomask.r01\n[nathalia@marfim: Sat May 30 21:20:39 2015] === Input b:\n[nathalia@marfim: Sat May 30 21:20:39 2015] [nathalia@marfim: Sat May 30 17:54:06 2015] 3dDespike -NEW -nomask -prefix pb01.SERIE3.r01.despike pb00.SERIE3.r01.tcat+orig\n[nathalia@marfim: Sat May 30 17:54:07 2015] 3dTshift -tzero 0 -quintic -prefix pb02.SERIE3.r01.tshift -tpattern alt+z pb01.SERIE3.r01.despike+orig\n[nathalia@marfim: Sat May 30 21:05:10 2015] 3dcalc -a pb02.SERIE3.r01.tshift+orig -expr 1 -prefix rm.epi.all1\n[nathalia@marfim: Sat May 30 21:20:38 2015] 3dNwarpApply -master SERIE1_unif_ns+tlrc -dxyz 3 -source rm.epi.all1+orig -nwarp 'anat.aff.qw_WARP.nii mat.r01.warp.aff12.1D' -prefix rm.epi.1.r01 -ainterp NN -quiet\n[nathalia@marfim: Sat May 30 21:20:39 2015] 3dTstat -min -prefix rm.epi.min.r01 rm.epi.1.r01+tlrc\n[nathalia@marfim: Sat May 30 21:20:39 2015] 3dcopy rm.epi.min.r01+tlrc mask_epi_extents\n[nathalia@marfim: Sat May 30 21:20:39 2015] ===================================\n[nathalia@marfim: Sat May 30 21:20:39 2015] 3dcalc -a rm.epi.nomask.r01+tlrc -b mask_epi_extents+tlrc -expr 'a*b' -prefix pb03.SERIE3.r01.volreg\n[nathalia@marfim: Sat May 30 21:20:42 2015] 3dmerge -1blur_fwhm 6 -doall -prefix pb04.SERIE3.r01.blur pb03.SERIE3.r01.volreg+tlrc\n[nathalia@marfim: Sat May 30 21:20:43 2015] === Input b:\n[nathalia@marfim: Sat May 30 21:20:43 2015] [nathalia@marfim: Sat May 30 21:20:39 2015] ===================================\n[nathalia@marfim: Sat May 30 21:20:39 2015] === History of inputs to 3dcalc ===\n[nathalia@marfim: Sat May 30 21:20:39 2015] === Input a:\n[nathalia@marfim: Sat May 30 21:20:39 2015] [nathalia@marfim: Sat May 30 17:54:06 2015] 3dDespike -NEW -nomask -prefix pb01.SERIE3.r01.despike pb00.SERIE3.r01.tcat+orig\n[nathalia@marfim: Sat May 30 17:54:07 2015] 3dTshift -tzero 0 -quintic -prefix pb02.SERIE3.r01.tshift -tpattern alt+z pb01.SERIE3.r01.despike+orig\n[nathalia@marfim: Sat May 30 21:13:09 2015] 3dNwarpApply -master SERIE1_unif_ns+tlrc -dxyz 3 -source pb02.SERIE3.r01.tshift+orig -nwarp 'anat.aff.qw_WARP.nii mat.r01.warp.aff12.1D' -prefix rm.epi.nomask.r01\n[nathalia@marfim: Sat May 30 21:20:39 2015] === Input b:\n[nathalia@marfim: Sat May 30 21:20:39 2015] [nathalia@marfim: Sat May 30 17:54:06 2015] 3dDespike -NEW -nomask -prefix pb01.SERIE3.r01.despike pb00.SERIE3.r01.tcat+orig\n[nathalia@marfim: Sat May 30 17:54:07 2015] 3dTshift -tzero 0 -quintic -prefix pb02.SERIE3.r01.tshift -tpattern alt+z pb01.SERIE3.r01.despike+orig\n[nathalia@marfim: Sat May 30 21:05:10 2015] 3dcalc -a pb02.SERIE3.r01.tshift+orig -expr 1 -prefix rm.epi.all1\n[nathalia@marfim: Sat May 30 21:20:38 2015] 3dNwarpApply -master SERIE1_unif_ns+tlrc -dxyz 3 -source rm.epi.all1+orig -nwarp 'anat.aff.qw_WARP.nii mat.r01.warp.aff12.1D' -prefix rm.epi.1.r01 -ainterp NN -quiet\n[nathalia@marfim: Sat May 30 21:20:39 2015] 3dTstat -min -prefix rm.epi.min.r01 rm.epi.1.r01+tlrc\n[nathalia@marfim: Sat May 30 21:20:39 2015] 3dcopy rm.epi.min.r01+tlrc mask_epi_extents\n[nathalia@marfim: Sat May 30 21:20:39 2015] ===================================\n[nathalia@marfim: Sat May 30 21:20:39 2015] 3dcalc -a rm.epi.nomask.r01+tlrc -b mask_epi_extents+tlrc -expr 'a*b' -prefix pb03.SERIE3.r01.volreg\n[nathalia@marfim: Sat May 30 21:20:42 2015] 3dmerge -1blur_fwhm 6 -doall -prefix pb04.SERIE3.r01.blur pb03.SERIE3.r01.volreg+tlrc\n[nathalia@marfim: Sat May 30 21:20:43 2015] 3dTstat -prefix rm.mean_r01 pb04.SERIE3.r01.blur+tlrc\n[nathalia@marfim: Sat May 30 21:20:43 2015] === Input c:\n[nathalia@marfim: Sat May 30 21:20:43 2015] [nathalia@marfim: Sat May 30 17:54:06 2015] 3dDespike -NEW -nomask -prefix pb01.SERIE3.r01.despike pb00.SERIE3.r01.tcat+orig\n[nathalia@marfim: Sat May 30 17:54:07 2015] 3dTshift -tzero 0 -quintic -prefix pb02.SERIE3.r01.tshift -tpattern alt+z pb01.SERIE3.r01.despike+orig\n[nathalia@marfim: Sat May 30 21:05:10 2015] 3dcalc -a pb02.SERIE3.r01.tshift+orig -expr 1 -prefix rm.epi.all1\n[nathalia@marfim: Sat May 30 21:20:38 2015] 3dNwarpApply -master SERIE1_unif_ns+tlrc -dxyz 3 -source rm.epi.all1+orig -nwarp 'anat.aff.qw_WARP.nii mat.r01.warp.aff12.1D' -prefix rm.epi.1.r01 -ainterp NN -quiet\n[nathalia@marfim: Sat May 30 21:20:39 2015] 3dTstat -min -prefix rm.epi.min.r01 rm.epi.1.r01+tlrc\n[nathalia@marfim: Sat May 30 21:20:39 2015] 3dcopy rm.epi.min.r01+tlrc mask_epi_extents\n[nathalia@marfim: Sat May 30 21:20:43 2015] ===================================\n[nathalia@marfim: Sat May 30 21:20:43 2015] 3dcalc -a pb04.SERIE3.r01.blur+tlrc -b rm.mean_r01+tlrc -c mask_epi_extents+tlrc -expr 'c * min(200, a/b*100)*step(a)*step(b)' -prefix pb05.SERIE3.r01.scale\n[nathalia@nathalia: Sun Jun  7 18:42:23 2015] === Input b:\n[nathalia@nathalia: Sun Jun  7 18:42:23 2015] === Input c:\n[nathalia@nathalia: Sun Jun  7 18:42:23 2015] ===================================\n[nathalia@nathalia: Sun Jun  7 18:42:23 2015] 3dcalc -fscale -a pb05.SERIE3.r01.scale.nii -b SERIE3_IMFS1+tlrc.nii -c SERIE3_IMFS3+tlrc.nii -expr '(a-b-c)' -prefix stats.orig_minus_1_minus_3~

type = string-attribute
name = TYPESTRING
count = 15
'3DIM_HEAD_ANAT~

type = string-attribute
name = IDCODE_STRING
count = 27
'XYZ_EMNKjplPMzdyTGuKNTBMjw~

type = string-attribute
name = IDCODE_DATE
count = 25
'Sun Jun  7 18:42:23 2015~

type = integer-attribute
name = SCENE_DATA
count = 8
 2 2 0 -999 -999
 -999 -999 -999

type = string-attribute
name = LABEL_1
count = 5
'zyxt~

type = string-attribute
name = LABEL_2
count = 5
'zyxt~

type = string-attribute
name = DATASET_NAME
count = 5
'zyxt~

type = integer-attribute
name = ORIENT_SPECIFIC
count = 3
 1 2 4

type  = float-attribute
name  = ORIGIN
count = 3
           73.5          110.5          -66.5

type  = float-attribute
name  = DELTA
count = 3
             -3             -3              3

type  = float-attribute
name  = IJK_TO_DICOM
count = 12
             -3              0              0           73.5              0
             -3              0          110.5              0              0
              3          -66.5

type  = float-attribute
name  = IJK_TO_DICOM_REAL
count = 12
             -3              0              0           73.5              0
             -3              0          110.5              0              0
              3          -66.5

type  = float-attribute
name  = BRICK_STATS
count = 256
              0              0      -7.134725       5.049156      -8.499456
       8.894156      -7.981759       11.48679      -10.32035        9.20609
      -8.479795       5.963675      -8.893856       5.913242      -7.237445
       7.748729      -5.291906        6.18641      -6.545078       6.227415
      -8.358015       6.975886       -4.87851        7.92293      -6.385912
       7.019098      -6.797449       4.909236      -5.569518       6.152409
        -5.7981       6.573704      -5.375606       6.283464      -6.730128
       5.320061      -5.686539       6.242931      -4.955962       6.966155
      -4.122607       4.676071      -6.813738       4.466084      -4.627168
       6.585462      -7.517477       4.858915      -4.899801        7.34991
      -4.573146       6.633753       -9.63513       5.407633      -5.456618
       6.131224      -5.911799       7.188356      -6.696917       9.395948
      -5.573876       7.227983      -5.882494       6.583551      -8.158089
        7.49092      -8.917377       7.547876      -8.879368       7.015879
       -6.74329        10.0323      -8.662691       6.940411      -12.49997
       8.748428      -5.715117       13.02949      -7.678452       11.56634
       -12.0949       7.070723      -7.303624       10.67804      -8.785887
       7.136559      -6.771944       8.134057      -8.612068       7.910708
      -9.665545       9.278139      -9.099453       8.144457      -6.260142
       9.572819      -8.715844       7.700563      -8.769705       7.729901
      -7.914516       8.982205      -7.498272       7.454854      -7.675785
       7.129457      -7.174318       6.399569      -6.123294       4.742709
      -6.285182       7.163043      -4.559428       6.924636       -5.12884
       6.133632      -6.052126       5.760968       -6.43749       6.286142
      -5.252653       8.044488      -9.186119       5.591189      -6.010287
       9.628052      -5.442071       6.482872       -8.39279       5.665952
      -5.901933       5.468009      -5.833716        6.02539      -5.000929
       118.4337              0       121.7174              0       122.4602
              0       124.7342              0        123.918              0
       161.6532              0       139.9014              0       125.1359
              0       126.0202              0       156.6728              0
       164.9842              0       141.5264              0       171.3727
              0       130.9002              0       127.3883              0
       152.4953              0       155.0564              0       174.6661
              0       130.3728              0        165.167              0
       127.1139              0       130.5156              0       159.0854
              0       123.8149              0       125.9019              0
       130.7614              0       129.0611              0       133.8823
              0       132.9634              0       140.6706              0
       134.5488              0       134.3219              0       143.8895
              0       159.9361              0       158.6724              0
       132.5036              0       132.5567              0       168.1221
              0        171.806              0       132.5296              0
       137.1358              0       129.4612              0        135.324
              0       129.0562              0       127.5452              0
       135.8692              0       137.6817              0       137.9664
              0       139.1652              0       141.0702              0
       142.4196              0       144.6861              0       143.6206
              0       143.2766              0       153.0313              0
        143.445              0       153.6923              0       146.1041
              0       166.0415              0       143.7894              0
       140.1192

type = integer-attribute
name = TAXIS_NUMS
count = 8
 128 0 77002 -999 -999
 -999 -999 -999

type  = float-attribute
name  = TAXIS_FLOATS
count = 8
              0              2              0              0              0
        -999999        -999999        -999999

type = integer-attribute
name = DATASET_RANK
count = 8
 3 128 0 0 0
 0 0 0

type = integer-attribute
name = DATASET_DIMENSIONS
count = 5
 50 63 51 0 0

type = integer-attribute
name = BRICK_TYPES
count = 128
 3 3 3 3 3
 3 3 3 3 3
 3 3 3 3 3
 3 3 3 3 3
 3 3 3 3 3
 3 3 3 3 3
 3 3 3 3 3
 3 3 3 3 3
 3 3 3 3 3
 3 3 3 3 3
 3 3 3 3 3
 3 3 3 3 3
 3 3 3 3 3
 3 3 3 3 3
 3 3 3 3 3
 3 3 3 3 3
 3 3 3 3 3
 3 3 3 3 3
 3 3 3 3 3
 3 3 3 3 3
 3 3 3 3 3
 3 3 3 3 3
 3 3 3 3 3
 3 3 3 3 3
 3 3 3 3 3
 3 3 3

type  = float-attribute
name  = BRICK_FLOAT_FACS
count = 128
              0              0              0              0              0
              0              0              0              0              0
              0              0              0              0              0
              0              0              0              0              0
              0              0              0              0              0
              0              0              0              0              0
              0              0              0              0              0
              0              0              0              0              0
              0              0              0              0              0
              0              0              0              0              0
              0              0              0              0              0
              0              0              0              0              0
              0              0              0              0              0
              0              0              0              0              0
              0              0              0              0              0
              0              0              0              0              0
              0              0              0              0              0
              0              0              0              0              0
              0              0              0              0              0
              0              0              0              0              0
              0              0              0              0              0
              0              0              0              0              0
              0              0              0              0              0
              0              0              0              0              0
              0              0              0              0              0
              0              0              0

type = string-attribute
name = BRICK_LABS
count = 2328
'SERIE3.nii.gz[3]~SERIE3.nii.gz[4]~SERIE3.nii.gz[5]~SERIE3.nii.gz[6]~SERIE3.nii.gz[7]~SERIE3.nii.gz[8]~SERIE3.nii.gz[9]~SERIE3.nii.gz[10]~SERIE3.nii.gz[11]~SERIE3.nii.gz[12]~SERIE3.nii.gz[13]~SERIE3.nii.gz[14]~SERIE3.nii.gz[15]~SERIE3.nii.gz[16]~SERIE3.nii.gz[17]~SERIE3.nii.gz[18]~SERIE3.nii.gz[19]~SERIE3.nii.gz[20]~SERIE3.nii.gz[21]~SERIE3.nii.gz[22]~SERIE3.nii.gz[23]~SERIE3.nii.gz[24]~SERIE3.nii.gz[25]~SERIE3.nii.gz[26]~SERIE3.nii.gz[27]~SERIE3.nii.gz[28]~SERIE3.nii.gz[29]~SERIE3.nii.gz[30]~SERIE3.nii.gz[31]~SERIE3.nii.gz[32]~SERIE3.nii.gz[33]~SERIE3.nii.gz[34]~SERIE3.nii.gz[35]~SERIE3.nii.gz[36]~SERIE3.nii.gz[37]~SERIE3.nii.gz[38]~SERIE3.nii.gz[39]~SERIE3.nii.gz[40]~SERIE3.nii.gz[41]~SERIE3.nii.gz[42]~SERIE3.nii.gz[43]~SERIE3.nii.gz[44]~SERIE3.nii.gz[45]~SERIE3.nii.gz[46]~SERIE3.nii.gz[47]~SERIE3.nii.gz[48]~SERIE3.nii.gz[49]~SERIE3.nii.gz[50]~SERIE3.nii.gz[51]~SERIE3.nii.gz[52]~SERIE3.nii.gz[53]~SERIE3.nii.gz[54]~SERIE3.nii.gz[55]~SERIE3.nii.gz[56]~SERIE3.nii.gz[57]~SERIE3.nii.gz[58]~SERIE3.nii.gz[59]~SERIE3.nii.gz[60]~SERIE3.nii.gz[61]~SERIE3.nii.gz[62]~SERIE3.nii.gz[63]~SERIE3.nii.gz[64]~SERIE3.nii.gz[65]~SERIE3.nii.gz[66]~SERIE3.nii.gz[67]~SERIE3.nii.gz[68]~SERIE3.nii.gz[69]~SERIE3.nii.gz[70]~SERIE3.nii.gz[71]~SERIE3.nii.gz[72]~SERIE3.nii.gz[73]~SERIE3.nii.gz[74]~SERIE3.nii.gz[75]~SERIE3.nii.gz[76]~SERIE3.nii.gz[77]~SERIE3.nii.gz[78]~SERIE3.nii.gz[79]~SERIE3.nii.gz[80]~SERIE3.nii.gz[81]~SERIE3.nii.gz[82]~SERIE3.nii.gz[83]~SERIE3.nii.gz[84]~SERIE3.nii.gz[85]~SERIE3.nii.gz[86]~SERIE3.nii.gz[87]~SERIE3.nii.gz[88]~SERIE3.nii.gz[89]~SERIE3.nii.gz[90]~SERIE3.nii.gz[91]~SERIE3.nii.gz[92]~SERIE3.nii.gz[93]~SERIE3.nii.gz[94]~SERIE3.nii.gz[95]~SERIE3.nii.gz[96]~SERIE3.nii.gz[97]~SERIE3.nii.gz[98]~SERIE3.nii.gz[99]~SERIE3.nii.gz[100]~SERIE3.nii.gz[101]~SERIE3.nii.gz[102]~SERIE3.nii.gz[103]~SERIE3.nii.gz[104]~SERIE3.nii.gz[105]~SERIE3.nii.gz[106]~SERIE3.nii.gz[107]~SERIE3.nii.gz[108]~SERIE3.nii.gz[109]~SERIE3.nii.gz[110]~SERIE3.nii.gz[111]~SERIE3.nii.gz[112]~SERIE3.nii.gz[113]~SERIE3.nii.gz[114]~SERIE3.nii.gz[115]~SERIE3.nii.gz[116]~SERIE3.nii.gz[117]~SERIE3.nii.gz[118]~SERIE3.nii.gz[119]~SERIE3.nii.gz[120]~SERIE3.nii.gz[121]~SERIE3.nii.gz[122]~SERIE3.nii.gz[123]~SERIE3.nii.gz[124]~SERIE3.nii.gz[125]~SERIE3.nii.gz[126]~SERIE3.nii.gz[127]~SERIE3.nii.gz[128]~SERIE3.nii.gz[129]~SERIE3.nii.gz[130]~

type = string-attribute
name = BRICK_KEYWORDS
count = 128
'~~~~~~~~~~~~~~~~~~~~~~~~~~~~~~~~~~~~~~~~~~~~~~~~~~~~~~~~~~~~~~~~~~~~~~~~~~~~~~~~~~~~~~~~~~~~~~~~~~~~~~~~~~~~~~~~~~~~~~~~~~~~~~~~

type = string-attribute
name = TEMPLATE_SPACE
count = 4
'MNI~

type = integer-attribute
name = INT_CMAP
count = 1
 0

type = string-attribute
name = BYTEORDER_STRING
count = 10
'LSB_FIRST~
