
type = string-attribute
name = HISTORY_NOTE
count = 518
'[nathalia@nathalia: Tue Jun  2 19:00:07 2015] ===================================\n[nathalia@nathalia: Tue Jun  2 19:00:07 2015] === History of inputs to 3dcalc ===\n[nathalia@nathalia: Tue Jun  2 19:00:07 2015] === Input a:\n[nathalia@nathalia: Tue Jun  2 19:00:07 2015] === Input b:\n[nathalia@nathalia: Tue Jun  2 19:00:07 2015] ===================================\n[nathalia@nathalia: Tue Jun  2 19:00:07 2015] 3dcalc -fscale -a SERIE3_IMFS1+tlrc.nii -b SERIE3_IMFS2+tlrc.nii -expr '(a-b)' -prefix stats.1_minus_2~

type = string-attribute
name = TYPESTRING
count = 15
'3DIM_HEAD_ANAT~

type = string-attribute
name = IDCODE_STRING
count = 27
'XYZ_rN3TBdxrm4_QOGjkEOi8uQ~

type = string-attribute
name = IDCODE_DATE
count = 25
'Tue Jun  2 19:00:07 2015~

type = integer-attribute
name = SCENE_DATA
count = 8
 0 2 0 -999 -999
 -999 -999 -999

type = string-attribute
name = LABEL_1
count = 5
'zyxt~

type = string-attribute
name = LABEL_2
count = 5
'zyxt~

type = string-attribute
name = DATASET_NAME
count = 5
'zyxt~

type = integer-attribute
name = ORIENT_SPECIFIC
count = 3
 1 2 4

type  = float-attribute
name  = ORIGIN
count = 3
           73.5          110.5          -66.5

type  = float-attribute
name  = DELTA
count = 3
             -3             -3              3

type  = float-attribute
name  = IJK_TO_DICOM
count = 12
             -3              0              0           73.5              0
             -3              0          110.5              0              0
              3          -66.5

type  = float-attribute
name  = IJK_TO_DICOM_REAL
count = 12
             -3              0              0           73.5              0
             -3              0          110.5              0              0
              3          -66.5

type  = float-attribute
name  = BRICK_STATS
count = 256
              0              0      -5.450314       9.590738        -7.5736
       12.17692      -11.35077       12.10068      -14.24029       11.95583
      -11.71893       12.40708       -13.6298       11.51171      -12.58832
       9.638585      -14.99057       9.684072      -10.96774       10.22996
      -11.72779       10.41338      -12.68348       11.21019       -11.5735
       11.63471      -6.653282       12.72367      -8.452085       11.98586
      -10.10045       10.22641      -8.979486       7.974768      -8.012625
       7.090207      -8.106569       11.93269      -5.703643       9.552011
      -8.514915       7.067722      -8.206167       7.719621       -10.7648
       8.240909      -11.87309        8.95178      -9.005198       7.957595
      -10.68418       6.392959      -7.843243       11.93086      -10.72272
        7.45297      -8.129448       7.498788      -9.283755       7.293886
      -10.69582       8.071611      -9.249753       9.849337      -11.32337
       10.19372      -10.47941        10.2737      -9.830561       10.57487
      -9.404729       6.313851      -8.998563       10.04899      -12.02053
       10.60601      -13.35533       7.629768      -14.83661       7.726223
      -9.289654       13.48749       -13.5542       9.792604         -7.368
       11.37399      -11.05758       12.16558      -10.91548        8.96172
      -10.68785       10.82461      -10.99664       10.14982      -12.31791
       9.008801       -12.4609        9.55997      -15.54928        8.03982
      -15.88664       8.408754      -11.12787       10.42184      -9.744635
       9.044558      -9.053328       9.635254      -6.912251       9.865977
      -6.570412       9.469629      -9.661364       9.850789      -8.205919
       8.392293      -6.718431       9.271427      -7.871989       6.750825
      -11.19849       6.835739      -6.922591       10.76636      -9.686141
       9.418831      -9.297316       9.581892      -6.476173        10.8743
      -7.923914       6.949408      -9.654428       8.312198      -11.19635
        7.09343      -9.559017       7.798153      -6.537055        7.48061
      -9.127884       10.24027       -8.42519       11.13707      -7.267213
       7.075855      -14.46197       6.488383      -7.735601       8.264776
      -8.760694       8.760756      -7.473593       10.01409      -9.232821
       12.89755      -9.714252       8.702721      -11.93611       8.591815
      -7.492597       10.01787      -8.460894       9.775941      -12.16328
       8.077069      -8.602024       9.048689      -6.794914       8.992745
      -7.467964       9.857791      -10.62519       10.41789      -10.77971
       7.829746      -7.755985       9.859734      -6.592028       12.99731
      -7.202994       12.83073      -13.01816       9.224108      -14.63132
        7.29855      -6.410714        7.47567      -9.117249       7.798069
      -10.04881       8.425433      -8.418367       10.64879      -12.03236
       8.315666       -7.70906       9.151217      -7.753028       10.01863
      -9.781378       9.035857      -9.459027       9.686948      -7.797576
       9.515896      -11.69838       8.906315      -8.396404       8.437665
      -6.833656       10.81592      -9.099445       7.508398      -8.976227
       7.536503      -8.207191       8.817892      -9.411722       9.037137
      -9.751197       7.796597      -12.31491       10.42682      -16.75451
       10.75052       -7.55244       9.156706      -15.04331       10.44625
      -12.72372       10.58618      -11.78388       9.219561      -9.076584
       12.15934      -11.26876       8.566805      -9.875214       14.67639
      -9.441984       17.61437      -10.69956       19.59669      -12.78567
       15.90633      -13.66082        12.9729      -11.58679       11.23739
      -7.778292       10.96797      -8.720869       9.406527  -5.364418e-07
   6.556511e-07

type = integer-attribute
name = TAXIS_NUMS
count = 8
 128 0 77002 -999 -999
 -999 -999 -999

type  = float-attribute
name  = TAXIS_FLOATS
count = 8
              0              2              0              0              0
        -999999        -999999        -999999

type = integer-attribute
name = DATASET_RANK
count = 8
 3 128 0 0 0
 0 0 0

type = integer-attribute
name = DATASET_DIMENSIONS
count = 5
 50 63 51 0 0

type = integer-attribute
name = BRICK_TYPES
count = 128
 3 3 3 3 3
 3 3 3 3 3
 3 3 3 3 3
 3 3 3 3 3
 3 3 3 3 3
 3 3 3 3 3
 3 3 3 3 3
 3 3 3 3 3
 3 3 3 3 3
 3 3 3 3 3
 3 3 3 3 3
 3 3 3 3 3
 3 3 3 3 3
 3 3 3 3 3
 3 3 3 3 3
 3 3 3 3 3
 3 3 3 3 3
 3 3 3 3 3
 3 3 3 3 3
 3 3 3 3 3
 3 3 3 3 3
 3 3 3 3 3
 3 3 3 3 3
 3 3 3 3 3
 3 3 3 3 3
 3 3 3

type  = float-attribute
name  = BRICK_FLOAT_FACS
count = 128
              0              0              0              0              0
              0              0              0              0              0
              0              0              0              0              0
              0              0              0              0              0
              0              0              0              0              0
              0              0              0              0              0
              0              0              0              0              0
              0              0              0              0              0
              0              0              0              0              0
              0              0              0              0              0
              0              0              0              0              0
              0              0              0              0              0
              0              0              0              0              0
              0              0              0              0              0
              0              0              0              0              0
              0              0              0              0              0
              0              0              0              0              0
              0              0              0              0              0
              0              0              0              0              0
              0              0              0              0              0
              0              0              0              0              0
              0              0              0              0              0
              0              0              0              0              0
              0              0              0              0              0
              0              0              0              0              0
              0              0              0

type = string-attribute
name = TEMPLATE_SPACE
count = 5
'ORIG~

type = integer-attribute
name = INT_CMAP
count = 1
 0

type = string-attribute
name = BYTEORDER_STRING
count = 10
'LSB_FIRST~
