
type = string-attribute
name = HISTORY_NOTE
count = 518
'[nathalia@nathalia: Tue Jun  2 19:01:06 2015] ===================================\n[nathalia@nathalia: Tue Jun  2 19:01:06 2015] === History of inputs to 3dcalc ===\n[nathalia@nathalia: Tue Jun  2 19:01:06 2015] === Input a:\n[nathalia@nathalia: Tue Jun  2 19:01:06 2015] === Input b:\n[nathalia@nathalia: Tue Jun  2 19:01:06 2015] ===================================\n[nathalia@nathalia: Tue Jun  2 19:01:06 2015] 3dcalc -fscale -a SERIE3_IMFS6+tlrc.nii -b SERIE3_IMFS7+tlrc.nii -expr '(a-b)' -prefix stats.6_minus_7~

type = string-attribute
name = TYPESTRING
count = 15
'3DIM_HEAD_ANAT~

type = string-attribute
name = IDCODE_STRING
count = 27
'XYZ_mKnKP24g732vu4YPUsdKYA~

type = string-attribute
name = IDCODE_DATE
count = 25
'Tue Jun  2 19:01:06 2015~

type = integer-attribute
name = SCENE_DATA
count = 8
 0 2 0 -999 -999
 -999 -999 -999

type = string-attribute
name = LABEL_1
count = 5
'zyxt~

type = string-attribute
name = LABEL_2
count = 5
'zyxt~

type = string-attribute
name = DATASET_NAME
count = 5
'zyxt~

type = integer-attribute
name = ORIENT_SPECIFIC
count = 3
 1 2 4

type  = float-attribute
name  = ORIGIN
count = 3
           73.5          110.5          -66.5

type  = float-attribute
name  = DELTA
count = 3
             -3             -3              3

type  = float-attribute
name  = IJK_TO_DICOM
count = 12
             -3              0              0           73.5              0
             -3              0          110.5              0              0
              3          -66.5

type  = float-attribute
name  = IJK_TO_DICOM_REAL
count = 12
             -3              0              0           73.5              0
             -3              0          110.5              0              0
              3          -66.5

type  = float-attribute
name  = BRICK_STATS
count = 256
      -127.5356       126.1094      -126.6315       125.5441      -125.7735
         124.98      -124.9602       124.4171      -124.1904       123.8556
      -123.4627       123.2954      -122.7757        122.922      -122.1283
       122.6053       -121.519       122.2805      -120.9466       121.9478
      -120.4097       121.6073      -119.9071       121.2593      -119.4373
       120.9039      -118.9992       120.5415      -118.5913       120.1722
      -118.2124       119.7962      -117.8611       119.4137      -117.5362
        119.025      -117.2363       118.6302        -116.96       118.2296
      -116.7062       117.8234      -116.4734       117.4118      -116.2604
        116.995      -116.0658       116.5732      -115.8884       116.1466
      -115.7267       115.7154      -115.5795         115.28      -115.4455
       114.8403      -115.3234       114.3968      -115.2118       113.9495
      -115.1094       113.4987       -115.015       113.0447      -114.9271
       112.5875      -114.8446       112.1275      -114.7659       111.6648
        -114.69       111.1997      -114.6153       110.8975      -114.5407
       110.7467      -114.4648       110.5839      -114.3863       110.4077
      -114.3038       110.2167      -114.2162       110.0092      -114.1219
       109.7839      -114.0198       109.5393      -113.9085       109.2739
      -113.7867       108.9862       -113.653       108.8057      -113.5062
        108.637       -113.345       108.4481      -113.1681       108.2376
      -112.9743       108.0043      -113.0372       107.7486      -113.1109
       107.4711      -113.1524       107.4134      -113.1627       107.3841
      -113.1427       107.3511      -113.0936       107.3144      -113.0162
       107.2741      -112.9116       107.2302      -112.7807       107.1826
      -112.6247       107.1313      -112.4444       107.3882      -112.2408
       107.9317       -112.015        108.444       -111.768       108.9224
      -111.5007       109.3641       -111.219       109.7666      -111.4934
        110.127      -111.7549       110.7202      -112.0033       111.3933
      -112.2382       112.0487       -112.459       112.6857      -112.6654
       113.3036      -112.8566       113.9018      -113.5195       114.4796
       -114.524       115.0362      -115.4413        115.571      -116.2599
       116.0833      -116.9686       116.5725      -117.5574       117.0392
      -118.0175       117.4837      -118.3433       117.9067      -118.5347
       118.3087      -118.5965       118.6904      -118.5347       119.0521
      -118.3554       119.3945      -118.5594       119.7182      -119.0964
       120.0237      -119.5874       120.3115      -120.0332       120.5822
      -120.4349       120.8364      -120.7934       121.0746      -121.1097
       121.2974      -121.3847       121.5053      -121.6194       121.6989
      -121.8147       122.0783      -121.9717       122.4726      -122.0912
       122.8477      -122.1742       123.2032      -122.2217       123.5386
      -122.2347       123.8534       -122.214       124.1472      -122.1607
       124.4195      -122.6268       124.6698       -123.097       124.8977
      -123.5313       125.1028      -123.9276       125.2845      -124.2839
       125.4424      -124.5981        125.576      -124.8683       125.6849
      -125.0926       125.7686      -125.2687       125.8267      -125.3948
       125.8587      -125.4689       125.8641      -125.4889       125.8425
      -125.4529       125.7934      -125.3587       125.7163      -125.2045
       125.6108      -124.9882       125.4765      -124.7078       125.3128
      -124.3613       125.1193      -123.9466       124.8956      -123.4619
       124.6412       -122.905       124.3555       -122.274       124.0383
      -121.5668       124.2362      -120.7815       124.6602      -119.9161
       125.0835

type = integer-attribute
name = TAXIS_NUMS
count = 8
 128 0 77002 -999 -999
 -999 -999 -999

type  = float-attribute
name  = TAXIS_FLOATS
count = 8
              0              2              0              0              0
        -999999        -999999        -999999

type = integer-attribute
name = DATASET_RANK
count = 8
 3 128 0 0 0
 0 0 0

type = integer-attribute
name = DATASET_DIMENSIONS
count = 5
 50 63 51 0 0

type = integer-attribute
name = BRICK_TYPES
count = 128
 3 3 3 3 3
 3 3 3 3 3
 3 3 3 3 3
 3 3 3 3 3
 3 3 3 3 3
 3 3 3 3 3
 3 3 3 3 3
 3 3 3 3 3
 3 3 3 3 3
 3 3 3 3 3
 3 3 3 3 3
 3 3 3 3 3
 3 3 3 3 3
 3 3 3 3 3
 3 3 3 3 3
 3 3 3 3 3
 3 3 3 3 3
 3 3 3 3 3
 3 3 3 3 3
 3 3 3 3 3
 3 3 3 3 3
 3 3 3 3 3
 3 3 3 3 3
 3 3 3 3 3
 3 3 3 3 3
 3 3 3

type  = float-attribute
name  = BRICK_FLOAT_FACS
count = 128
              0              0              0              0              0
              0              0              0              0              0
              0              0              0              0              0
              0              0              0              0              0
              0              0              0              0              0
              0              0              0              0              0
              0              0              0              0              0
              0              0              0              0              0
              0              0              0              0              0
              0              0              0              0              0
              0              0              0              0              0
              0              0              0              0              0
              0              0              0              0              0
              0              0              0              0              0
              0              0              0              0              0
              0              0              0              0              0
              0              0              0              0              0
              0              0              0              0              0
              0              0              0              0              0
              0              0              0              0              0
              0              0              0              0              0
              0              0              0              0              0
              0              0              0              0              0
              0              0              0              0              0
              0              0              0              0              0
              0              0              0

type = string-attribute
name = TEMPLATE_SPACE
count = 5
'ORIG~

type = integer-attribute
name = INT_CMAP
count = 1
 0

type = string-attribute
name = BYTEORDER_STRING
count = 10
'LSB_FIRST~
